##TITLE=Parameter List, ParaVision 360 V3.6
##JCAMPDX=4.24
##DATATYPE=Parameter Values
##ORIGIN=Bruker BioSpin GmbH & Co. KG
##OWNER=neuro
$$ Write Options: Symbolic Enums, RLE encoded arrays, symbol visibility
$$ 2026-03-13 14:43:34.573 +0900  neuro@czc4217pzz
$$ /opt/PV-360.3.6/data/neuro/20260313_135901_Kostya_260413_fiber_placement_engrams_1_13/7/acqp
$$ process /opt/PV-360.3.6/prog/bin/parxserver
##$ACQ_protocol_name=( 64 )
<EPI_trig_TE6p5>
##$ACQ_scan_name=( 64 )
<EPI_trig_TE6p5 (E7)>
##$ACQ_method=( 40 )
<User:epi_TriggerV2>
##$ACQ_patient_pos=Head_Prone
##$ACQ_abs_time=(1773380591, 992, 540)
##$ACQ_operator=( 16 )
<neuro>
##$ACQ_institution=( 48 )
<RESEARCH & BUSINESS FOUDATION OF SK Suwon-si>
##$ACQ_station=( 64 )
<BAP94/31>
##$ACQ_system_order_number=( 24 )
<5084095>
##$ACQ_sw_version=( 65 )
<PV-360.3.6>
##$ACQ_contrast_agent=( 20 )
<>
##$ACQ_AtsOffsetsSize=0
##$SIMUL_ExperimentDurationFactor=0.10000000000000001
##$GOSI_RepetitionTime=1000
##$PULPROG=( 32 )
<epi_TriggerV2.ppg>
##$ACQ_experiment_mode=SingleExperiment
##$ACQ_DS_enabled=Yes
##$ACQ_switch_pll_enabled=No
##$ACQ_GradRes=1
##$ACQ_dim_desc=( 2 )
Spatial Spatial
##$ACQ_size=( 2 )
1024 1
##$ACQ_ns_list_size=1
##$ACQ_ns=1
##$ACQ_ns_list=( 1 )
1
##$ACQ_phase_factor=1
##$ACQ_scan_size=ACQ_phase_factor_scans
##$NI=18
##$NA=1
##$NAE=1
##$NR=1
##$DS=0
##$SW_h=0
##$ACQ_O1_list_size=18
##$ACQ_O1_list=( 18 )
-20971.858295702106 -16971.858295702106 -12971.858295702106 
-8971.8582957021063 -4971.8582957021054 -971.85829570210558 
3028.1417042978946 7028.1417042978946 11028.141704297894 -18971.858295702106 
-14971.858295702106 -10971.858295702106 -6971.8582957021054 
-2971.8582957021054 1028.1417042978944 5028.1417042978946 9028.1417042978937 
13028.141704297894
##$ACQ_O1B_list_size=18
##$ACQ_O1B_list=( 18 )
@18*(0)
##$ACQ_O2_list_size=1
##$ACQ_O2_list=( 1 )
0
##$ACQ_O3_list_size=1
##$ACQ_O3_list=( 1 )
0
##$NUCLEUS=( 8 )
<1H>
##$ACQ_vd_list_size=0
##$ACQ_vp_list_size=0
##$ACQ_completed=Yes
##$ACQ_word_size=_32_BIT
##$NECHOES=1
##$ACQ_n_echo_images=1
##$ACQ_n_movie_frames=1
##$ACQ_echo_descr=( 1, 20 )
<>
##$ACQ_movie_descr=( 1, 20 )
<>
##$ACQ_fov=( 2 )
1.6000000000000001 1
##$ACQ_read_ext=1
##$ACQ_slice_angle=( 1 )
0.41106841613219025
##$ACQ_slice_orient=Arbitrary_Oblique
##$ACQ_read_offset=( 18 )
@18*(1.3882609637978396)
##$ACQ_phase1_offset=( 18 )
@18*(0.11682212853890395)
##$ACQ_phase2_offset=( 18 )
@18*(0)
##$ACQ_slice_sepn=( 1 )
0.5
##$ACQ_slice_sepn_mode=Contiguous
##$ACQ_slice_thick=0.5
##$ACQ_slice_offset=( 18 )
-5.2429645739255264 -4.7429645739255264 -4.2429645739255264 
-3.7429645739255264 -3.2429645739255264 -2.7429645739255264 
-2.2429645739255264 -1.7429645739255264 -1.2429645739255264 
-0.74296457392552639 -0.24296457392552639 0.25703542607447361 
0.75703542607447361 1.2570354260744736 1.7570354260744736 2.2570354260744736 
2.7570354260744736 3.2570354260744736
##$ACQ_obj_order=( 18 )
0 2 4 6 8 10 12 14 16 1 3 5 7 9 11 13 15 17
##$ACQ_flip_angle=65
##$ACQ_echo_time=( 1 )
6.535400000000001
##$ACQ_inter_echo_time=( 1 )
0.24800000000000003
##$ACQ_recov_time=( 1 )
997.89999999999998
##$ACQ_inversion_time=( 1 )
0
##$ACQ_temporal_delay=( 1 )
0
##$ACQ_time_points=( 1 )
0
##$ACQ_RF_power=0
##$ACQ_transmitter_coil=( 16 )
<>
##$ACQ_position_X=0
##$ACQ_position_Y=0
##$ACQ_position_Z=0
##$BYTORDA=little
##$ACQ_adc_overflow=( 2 )
No No
##$GRPDLY=-1
##$FRQLO3=0
##$FQ1LIST=( 16 )
<ACQ_O1_list>
##$FQ2LIST=( 16 )
<ACQ_O2_list>
##$FQ3LIST=( 16 )
<ACQ_O3_list>
##$FQ8LIST=( 16 )
<ACQ_O1B_list>
##$HPPRGN=normal
##$LOCNUC=( 8 )
<off>
##$SOLVENT=( 16 )
<>
##$DE=4.75
##$ACQ_scaling_read=1
##$ACQ_scaling_phase=1
##$ACQ_scaling_slice=1
##$ACQ_grad_matrix_size=18
##$ACQ_grad_matrix=( 18, 3, 3 )
-0.99997426340455287 0 -0.0071744357633237669 0 1 0 0.0071744357633237669 0 
-0.99997426340455287 -0.99997426340455287 0 -0.0071744357633237669 0 1 0 
0.0071744357633237669 0 -0.99997426340455287 -0.99997426340455287 0 
-0.0071744357633237669 0 1 0 0.0071744357633237669 0 -0.99997426340455287 
-0.99997426340455287 0 -0.0071744357633237669 0 1 0 0.0071744357633237669 0 
-0.99997426340455287 -0.99997426340455287 0 -0.0071744357633237669 0 1 0 
0.0071744357633237669 0 -0.99997426340455287 -0.99997426340455287 0 
-0.0071744357633237669 0 1 0 0.0071744357633237669 0 -0.99997426340455287 
-0.99997426340455287 0 -0.0071744357633237669 0 1 0 0.0071744357633237669 0 
-0.99997426340455287 -0.99997426340455287 0 -0.0071744357633237669 0 1 0 
0.0071744357633237669 0 -0.99997426340455287 -0.99997426340455287 0 
-0.0071744357633237669 0 1 0 0.0071744357633237669 0 -0.99997426340455287 
-0.99997426340455287 0 -0.0071744357633237669 0 1 0 0.0071744357633237669 0 
-0.99997426340455287 -0.99997426340455287 0 -0.0071744357633237669 0 1 0 
0.0071744357633237669 0 -0.99997426340455287 -0.99997426340455287 0 
-0.0071744357633237669 0 1 0 0.0071744357633237669 0 -0.99997426340455287 
-0.99997426340455287 0 -0.0071744357633237669 0 1 0 0.0071744357633237669 0 
-0.99997426340455287 -0.99997426340455287 0 -0.0071744357633237669 0 1 0 
0.0071744357633237669 0 -0.99997426340455287 -0.99997426340455287 0 
-0.0071744357633237669 0 1 0 0.0071744357633237669 0 -0.99997426340455287 
-0.99997426340455287 0 -0.0071744357633237669 0 1 0 0.0071744357633237669 0 
-0.99997426340455287 -0.99997426340455287 0 -0.0071744357633237669 0 1 0 
0.0071744357633237669 0 -0.99997426340455287 -0.99997426340455287 0 
-0.0071744357633237669 0 1 0 0.0071744357633237669 0 -0.99997426340455287
##$ACQ_GradientMatrixSize=18
##$ACQ_GradientMatrix=( 18, 3, 3 )
-0.99997426340455287 0 -0.0071744357633237669 0 1 0 0.0071744357633237669 0 
-0.99997426340455287 -0.99997426340455287 0 -0.0071744357633237669 0 1 0 
0.0071744357633237669 0 -0.99997426340455287 -0.99997426340455287 0 
-0.0071744357633237669 0 1 0 0.0071744357633237669 0 -0.99997426340455287 
-0.99997426340455287 0 -0.0071744357633237669 0 1 0 0.0071744357633237669 0 
-0.99997426340455287 -0.99997426340455287 0 -0.0071744357633237669 0 1 0 
0.0071744357633237669 0 -0.99997426340455287 -0.99997426340455287 0 
-0.0071744357633237669 0 1 0 0.0071744357633237669 0 -0.99997426340455287 
-0.99997426340455287 0 -0.0071744357633237669 0 1 0 0.0071744357633237669 0 
-0.99997426340455287 -0.99997426340455287 0 -0.0071744357633237669 0 1 0 
0.0071744357633237669 0 -0.99997426340455287 -0.99997426340455287 0 
-0.0071744357633237669 0 1 0 0.0071744357633237669 0 -0.99997426340455287 
-0.99997426340455287 0 -0.0071744357633237669 0 1 0 0.0071744357633237669 0 
-0.99997426340455287 -0.99997426340455287 0 -0.0071744357633237669 0 1 0 
0.0071744357633237669 0 -0.99997426340455287 -0.99997426340455287 0 
-0.0071744357633237669 0 1 0 0.0071744357633237669 0 -0.99997426340455287 
-0.99997426340455287 0 -0.0071744357633237669 0 1 0 0.0071744357633237669 0 
-0.99997426340455287 -0.99997426340455287 0 -0.0071744357633237669 0 1 0 
0.0071744357633237669 0 -0.99997426340455287 -0.99997426340455287 0 
-0.0071744357633237669 0 1 0 0.0071744357633237669 0 -0.99997426340455287 
-0.99997426340455287 0 -0.0071744357633237669 0 1 0 0.0071744357633237669 0 
-0.99997426340455287 -0.99997426340455287 0 -0.0071744357633237669 0 1 0 
0.0071744357633237669 0 -0.99997426340455287 -0.99997426340455287 0 
-0.0071744357633237669 0 1 0 0.0071744357633237669 0 -0.99997426340455287
##$NSLICES=18
##$ACQ_phase_encoding_mode=( 2 )
Read Linear
##$ACQ_phase_enc_start=( 2 )
-1 -1
##$ACQ_gradient_amplitude=( 100 )
14.102094936713325 -8.6009799383906653 17.627618670891653 30 @96*(0)
##$ACQ_ScanPipeJobSettings=( 2 )
(STORE_processed, STORE_32bit_signed, DISPLAY_each_accumulation, LOG_none, 
ACCUM_average, 0, 0, 0, 0, 18, 18, NORMALIZE_none, PIPELINE_processed, 0, 
STREAMING_none, DISPLAY_CoilsSideBySide, 1) (STORE_discard, 
STORE_32bit_signed, DISPLAY_each_scan, LOG_none, ACCUM_average, 0, 0, 0, 0, 0,
 1, NORMALIZE_none, PIPELINE_processed, 0, STREAMING_none, 
DISPLAY_CoilsSideBySide, 1)
##$ACQ_SetupPipeJobSettings=( 2 )
(DISPLAY_each_accumulation, 18) (DISPLAY_each_scan, 1)
##$ACQ_ScanInnerAccumWeights=( 2, 1 )
0 0
##$ACQ_ScanOuterAccumWeights=( 2, 1 )
0 0
##$ACQ_ScanOnlineReco=Yes
##$ACQ_ScanTagFilterLength=( 8 )
0 0 0 0 0 0 0 0
##$ACQ_ScanFtDisplay=No
##$ACQ_jobs_size=2
##$ACQ_repetition_time=( 1 )
1000
##$ACQ_scan_type=Scan_Experiment
##$ACQ_DebugOptions=(20, 0, No)
##$ACQ_TriggerTimeout=(30, No, No)
##$ACQ_dim=2
##$ACQ_RxFilterDefaultOptions=( 2 )
(Yes, No) (Yes, Yes)
##$ACQ_SetupRecoDisplay=Yes
##$ACQ_SetupDim=2
##$ACQ_SetupImageType=MAGNITUDE_IMAGE
##$ACQ_SetupOnlineReco=Yes
##$ACQ_SetupShowDigFilling=Yes
##$ACQ_SetupType=Spectrometer_Parameters
##$ACQ_SetupFtDisplay=No
##$ACQ_RxFilterSettings=( 2 )
(HwFilter_Bypass2, SwFilter_LowPassSharp_Decim, 124, 6, 5, 456, 
SwDataExt_Zero, 0) (HwFilter_BypassFir, SwFilter_LowPassSmooth_Decim, 1500, 
16, 2, 240, SwDataExt_Zero, 0)
##$ACQ_RxFilterInfo=( 2 )
(0, 76.833333333333329, 10.583333333333334, 16.769579405554015, 31) (0, 
15.125, 20.5, 19.275373392691623, 31)
##$ACQ_jobs=( 2 )
(5256, 18, 360, 18, 101, 322580.6451612903, 18, 1, <job0>) (192, 1, 20, 1, 
101, 10000, 0, 1, <DriftCompensation>)
##$ACQ_preload=0
##$ACQ_branch_preload=( 10, 2 )
@18*(1000000) 500 500
##$ACQ_ReceiverSelect=( 6 )
No No No Yes No No
##$ACQ_ReceiverSelectPerChan=( 1, 6 )
No No No Yes No No
##$ACQ_TxSguSelect=( 6 )
Yes Yes No No No No
##$ACQ_RfShapes=( 64 )
(<$ExcPulseShape>, 3.0580102133523344, 0, 0.5, 1, 100 100 @22*(0), 0 90 
@22*(0)) (<$RefPulseShape>, 31.696629130636342, 0, 0, 1, 100 100 @22*(0), 0 
90 @22*(0)) (<>, 0, 0, 0.5, 0, @24*(0), @24*(0)) (<>, 0, 0, 0.5, 0, @24*(0), 
@24*(0)) (<>, 0, 0, 0.5, 0, @24*(0), @24*(0)) (<>, 0, 0, 0.5, 0, @24*(0), 
@24*(0)) (<>, 0, 0, 0.5, 0, @24*(0), @24*(0)) (<>, 0, 0, 0.5, 0, @24*(0), 
@24*(0)) (<>, 0, 0, 0.5, 0, @24*(0), @24*(0)) (<>, 0, 0, 0.5, 0, @24*(0), 
@24*(0)) (<>, 0, 0, 0.5, 0, @24*(0), @24*(0)) (<>, 0, 0, 0.5, 0, @24*(0), 
@24*(0)) (<>, 0, 0, 0.5, 0, @24*(0), @24*(0)) (<>, 0, 0, 0.5, 0, @24*(0), 
@24*(0)) (<>, 0, 0, 0.5, 0, @24*(0), @24*(0)) (<>, 0, 0, 0.5, 0, @24*(0), 
@24*(0)) (<>, 0, 0, 0.5, 0, @24*(0), @24*(0)) (<>, 0, 0, 0.5, 0, @24*(0), 
@24*(0)) (<>, 0, 0, 0.5, 0, @24*(0), @24*(0)) (<>, 0, 0, 0.5, 0, @24*(0), 
@24*(0)) (<>, 0, 0, 0.5, 0, @24*(0), @24*(0)) (<>, 0, 0, 0.5, 0, @24*(0), 
@24*(0)) (<>, 0, 0, 0.5, 0, @24*(0), @24*(0)) (<>, 0, 0, 0.5, 0, @24*(0), 
@24*(0)) (<>, 0, 0, 0.5, 0, @24*(0), @24*(0)) (<>, 0, 0, 0.5, 0, @24*(0), 
@24*(0)) (<>, 0, 0, 0.5, 0, @24*(0), @24*(0)) (<>, 0, 0, 0.5, 0, @24*(0), 
@24*(0)) (<>, 0, 0, 0.5, 0, @24*(0), @24*(0)) (<>, 0, 0, 0.5, 0, @24*(0), 
@24*(0)) (<>, 0, 0, 0.5, 0, @24*(0), @24*(0)) (<>, 0, 0, 0.5, 0, @24*(0), 
@24*(0)) (<>, 0, 0, 0.5, 0, @24*(0), @24*(0)) (<>, 0, 0, 0.5, 0, @24*(0), 
@24*(0)) (<>, 0, 0, 0.5, 0, @24*(0), @24*(0)) (<>, 0, 0, 0.5, 0, @24*(0), 
@24*(0)) (<>, 0, 0, 0.5, 0, @24*(0), @24*(0)) (<>, 0, 0, 0.5, 0, @24*(0), 
@24*(0)) (<>, 0, 0, 0.5, 0, @24*(0), @24*(0)) (<>, 0, 0, 0.5, 0, @24*(0), 
@24*(0)) (<$PVM_FatSupPulShape>, 3.0597311853692775, 0, 0.5, 1, 100 100 
@22*(0), 0 90 @22*(0)) (<$PVM_FovSatPulShape>, 44.060507243660936, 0, 0.5, 1, 
100 100 @22*(0), 0 90 @22*(0)) (<>, 0, 0, 0.5, 0, @24*(0), @24*(0)) (<>, 0, 0,
 0.5, 0, @24*(0), @24*(0)) (<>, 0, 0, 0.5, 0, @24*(0), @24*(0)) (<bp.exc>, 
35.100196794573954, 0, 0.5, 1, 100 100 @22*(0), 0 90 @22*(0)) (<>, 0, 0, 0.5, 
0, @24*(0), @24*(0)) (<>, 0, 0, 0.5, 0, @24*(0), @24*(0)) (<>, 0, 0, 0.5, 0, 
@24*(0), @24*(0)) (<>, 0, 0, 0.5, 0, @24*(0), @24*(0)) (<>, 0, 0, 0.5, 0, 
@24*(0), @24*(0)) (<>, 0, 0, 0.5, 0, @24*(0), @24*(0)) (<>, 0, 0, 0.5, 0, 
@24*(0), @24*(0)) (<>, 0, 0, 0.5, 0, @24*(0), @24*(0)) (<>, 0, 0, 0.5, 0, 
@24*(0), @24*(0)) (<gauss.exc>, 0.0036104961107896482, 0, 0.5, 1, 100 100 
@22*(0), 0 90 @22*(0)) (<>, 0, 0, 0.5, 0, @24*(0), @24*(0)) (<>, 0, 0, 0.5, 0,
 @24*(0), @24*(0)) (<>, 0, 0, 0.5, 0, @24*(0), @24*(0)) (<>, 0, 0, 0.5, 0, 
@24*(0), @24*(0)) (<>, 0, 0, 0.5, 0, @24*(0), @24*(0)) (<>, 0, 0, 0.5, 0, 
@24*(0), @24*(0)) (<>, 0, 0, 0.5, 0, @24*(0), @24*(0)) (<>, 0, 0, 0.5, 0, 
@24*(0), @24*(0))
##$ACQ_WriteServerIOR=( 453 )
<IOR:010000002600000049444c3a73632e6e6d722e6272756b65722e64652f6163712f41637157726974653a312e300000000100000000000000a4000000010102000d0000003134392e3233362e39392e3100007d880e000000feeea3b3690000bdf0000000000300000400000000000000080000000100000000545441010000001c00000001000000010001050100000001000105090101000100000009010100030000001a00000001000000100000003131352e3134352e3138352e323336003bc600000300000014000000010000000a0000003132372e302e302e31008de0>
##$D=( 64 )
0.029977002217194314 0.0018469999999999999 1.0000000000000001e-05 0.000163 
0.00015300000000000001 0.002 0 0.0032777000000000001 0 0.001547 @54*(0)
##$P=( 64 )
2100 1700 @62*(0)
##$PLW=( 64 )
@64*(0)
##$PH_ref=0
##$BF1=400.30774436548796
##$SFO1=400.30774436548796
##$O1=0
##$BF2=400.30000000000001
##$SFO2=400.30000000000001
##$O2=0
##$BF3=400.30000000000001
##$SFO3=400.30000000000001
##$O3=0
##$BF4=400.30000000000001
##$SFO4=400.30000000000001
##$O4=0
##$BF5=400.30000000000001
##$SFO5=400.30000000000001
##$O5=0
##$BF6=400.30000000000001
##$SFO6=400.30000000000001
##$O6=0
##$BF7=400.30000000000001
##$SFO7=400.30000000000001
##$O7=0
##$BF8=400.30000000000001
##$SFO8=400.30000000000001
##$O8=0
##$NUC1=( 8 )
<1H>
##$NUC2=( 8 )
<off>
##$NUC3=( 8 )
<off>
##$NUC4=( 8 )
<off>
##$NUC5=( 8 )
<off>
##$NUC6=( 8 )
<off>
##$NUC7=( 8 )
<off>
##$NUC8=( 8 )
<off>
##$L=( 32 )
0 0 1 @29*(0)
##$ACQ_DriftCompActive=Yes
##$ACQ_DriftCompJob=1
##$ACQ_DriftCompFilterWidth=14
##$ACQ_DriftCompStep=0
##$ACQ_DriftCompOffset=0
##$ACQ_DriftCompDebug=No
$$ @vis= ACQP ACQ_COMMON ACQ_protocol_name ACQ_scan_name ACQ_method
$$ @vis= ACQ_patient_pos ACQ_abs_time ACQ_operator ACQ_institution ACQ_station
$$ @vis= ACQ_system_order_number ACQ_sw_version ACQ_contrast_agent
$$ @vis= ACQ_contrast ACQ_ATS ACQ_AtsOffsetsSize ACQ_SIMUL
$$ @vis= SIMUL_ExperimentDurationFactor GOSI_RepetitionTime PULPROG
$$ @vis= ACQ_experiment_mode ACQ_n_experiments ACQ_experiments ACQ_DS_enabled
$$ @vis= ACQ_switch_pll_enabled ACQ_GradRes ACQ_dim_desc ACQ_size
$$ @vis= ACQ_ns_list_size ACQ_ns ACQ_ns_list ACQ_phase_factor ACQ_scan_size NI
$$ @vis= NA NAE NR DS SW_h ACQ_O1_mode ACQ_O1_list_size ACQ_O1_list
$$ @vis= ACQ_O1B_list_size ACQ_O1B_list ACQ_O2_mode ACQ_O2_list_size
$$ @vis= ACQ_O2_list ACQ_O3_mode ACQ_O3_list_size ACQ_O3_list NUCLEUS
$$ @vis= ACQ_vd_list_size ACQ_vp_list_size ACQ_INFO ACQ_completed
$$ @vis= ACQ_word_size NECHOES ACQ_n_echo_images ACQ_n_movie_frames
$$ @vis= ACQ_echo_descr ACQ_movie_descr ACQ_fov ACQ_read_ext ACQ_slice_angle
$$ @vis= ACQ_slice_orient ACQ_read_offset ACQ_phase1_offset ACQ_phase2_offset
$$ @vis= ACQ_slice_sepn ACQ_slice_sepn_mode ACQ_slice_thick ACQ_slice_offset
$$ @vis= ACQ_obj_order ACQ_flip_angle ACQ_echo_time ACQ_inter_echo_time
$$ @vis= ACQ_recov_time ACQ_inversion_time ACQ_temporal_delay ACQ_time_points
$$ @vis= ACQ_RF_power ACQ_transmitter_coil ACQ_position_X ACQ_position_Y
$$ @vis= ACQ_position_Z BYTORDA ACQ_adc_overflow GRPDLY FRQLO3 HIRES FQ1LIST
$$ @vis= FQ2LIST FQ3LIST FQ8LIST HPPRGN LOCNUC SOLVENT AVANCE_PARS DE
$$ @vis= GRAD_PARS ACQ_scaling_read ACQ_scaling_phase ACQ_scaling_slice
$$ @vis= ACQ_grad_matrix_size ACQ_grad_matrix ACQ_GradientMatrixSize
$$ @vis= ACQ_GradientMatrix NSLICES ACQ_phase_encoding_mode
$$ @vis= ACQ_phase_enc_start ACQ_spatial_size_0 ACQ_spatial_phase_0
$$ @vis= ACQ_spatial_size_1 ACQ_spatial_phase_1 ACQ_spatial_size_2
$$ @vis= ACQ_spatial_phase_2 ACQ_gradient_amplitude ACQ_SCAN
$$ @vis= ACQ_ScanPipeJobSettings ACQ_SetupPipeJobSettings
$$ @vis= ACQ_ScanInnerAccumWeights ACQ_ScanOuterAccumWeights
$$ @vis= ACQ_ScanOnlineReco ACQ_ScanTagFilterLength ACQ_ScanFtDisplay
$$ @vis= ACQ_jobs_size ACQ_repetition_time ACQ_scan_type ACQ_DebugOptions
$$ @vis= ACQ_TriggerTimeout ACQ_dim ACQ_RxFilterDefaultOptions ACQ_SETUP
$$ @vis= ACQ_SetupRecoDisplay ACQ_SetupDim ACQ_SetupImageType
$$ @vis= ACQ_SetupOnlineReco ACQ_SetupShowDigFilling ACQ_SetupType
$$ @vis= ACQ_SetupFtDisplay ACQ_CONTROL ACQ_RxFilterSettings ACQ_RxFilterInfo
$$ @vis= ACQ_jobs ACQ_preload ACQ_branch_preload ACQ_ReceiverSelect
$$ @vis= ACQ_ReceiverSelectPerChan ACQ_TxSguSelect ACQ_RfShapes
$$ @vis= ACQ_WriteServerIOR D P PLW PH_ref BF1 SFO1 O1 BF2 SFO2 O2 BF3 SFO3 O3
$$ @vis= BF4 SFO4 O4 BF5 SFO5 O5 BF6 SFO6 O6 BF7 SFO7 O7 BF8 SFO8 O8 NUC1 NUC2
$$ @vis= NUC3 NUC4 NUC5 NUC6 NUC7 NUC8 L Drift ACQ_DriftCompActive
$$ @vis= ACQ_DriftCompJob ACQ_DriftCompFilterWidth ACQ_DriftCompStep
$$ @vis= ACQ_DriftCompOffset ACQ_DriftCompDebug
##END=
$$ File finished by PARX at 2026-03-13 14:43:34.573 +0900
