##TITLE=Parameter List, ParaVision 360 V3.6
##JCAMPDX=4.24
##DATATYPE=Parameter Values
##ORIGIN=Bruker BioSpin GmbH & Co. KG
##OWNER=neuro
$$ Write Options: Symbolic Enums, RLE encoded arrays, symbol visibility
$$ 2026-03-13 15:31:00.489 +0900  neuro@czc4217pzz
$$ /opt/PV-360.3.6/data/neuro/20260313_135901_Kostya_260413_fiber_placement_engrams_1_13/13/acqp
$$ process /opt/PV-360.3.6/prog/bin/parxserver
##$ACQ_protocol_name=( 64 )
<2M_T2_TurboRARE_2D>
##$ACQ_scan_name=( 64 )
<2M_T2_TurboRARE_2D (E13)>
##$ACQ_method=( 40 )
<Bruker:RARE>
##$ACQ_patient_pos=Head_Prone
##$ACQ_time=<1970-01-01T00:00:00,000+0000>
##$ACQ_abs_time=(1773383278, 900, 540)
##$ACQ_operator=( 16 )
<neuro>
##$ACQ_institution=( 48 )
<RESEARCH & BUSINESS FOUDATION OF SK Suwon-si>
##$ACQ_station=( 64 )
<BAP94/31>
##$ACQ_system_order_number=( 24 )
<5084095>
##$ACQ_sw_version=( 65 )
<PV-360.3.6>
##$ACQ_contrast_agent=( 20 )
<>
##$ACQ_AtsOffsetsSize=0
##$SIMUL_ExperimentDurationFactor=0.10000000000000001
##$GOSI_RepetitionTime=3000
##$PULPROG=( 32 )
<RARE.ppg>
##$ACQ_experiment_mode=SingleExperiment
##$ACQ_DS_enabled=Yes
##$ACQ_switch_pll_enabled=No
##$ACQ_GradRes=1
##$ACQ_dim_desc=( 2 )
Spatial Spatial
##$ACQ_size=( 2 )
1024 1
##$ACQ_ns_list_size=1
##$ACQ_ns=1
##$ACQ_ns_list=( 1 )
1
##$ACQ_phase_factor=1
##$ACQ_scan_size=One_scan
##$NI=18
##$NA=1
##$NAE=10
##$NR=1
##$DS=0
##$SW_h=0
##$ACQ_O1_list_size=18
##$ACQ_O1_list=( 18 )
-31642.485917793685 -25642.485917793685 -19642.485917793685 
-13642.485917793685 -7642.4859177936851 -1642.4859177936853 
4357.5140822063149 10357.514082206315 16357.514082206315 -28642.485917793685 
-22642.485917793685 -16642.485917793685 -10642.485917793685 
-4642.4859177936851 1357.5140822063147 7357.5140822063149 13357.514082206315 
19357.514082206315
##$ACQ_O1B_list_size=18
##$ACQ_O1B_list=( 18 )
@18*(10054.088531273772)
##$ACQ_O2_list_size=1
##$ACQ_O2_list=( 1 )
0
##$ACQ_O3_list_size=1
##$ACQ_O3_list=( 1 )
0
##$NUCLEUS=( 8 )
<1H>
##$ACQ_vd_list_size=0
##$ACQ_vp_list_size=0
##$ACQ_completed=Yes
##$ACQ_word_size=_32_BIT
##$NECHOES=16
##$ACQ_n_echo_images=1
##$ACQ_n_movie_frames=1
##$ACQ_echo_descr=( 1, 20 )
<>
##$ACQ_movie_descr=( 1, 20 )
<>
##$ACQ_fov=( 2 )
1.6000000000000001 1
##$ACQ_read_ext=1
##$ACQ_slice_angle=( 1 )
0.5889315838646827
##$ACQ_slice_orient=Arbitrary_Oblique
##$ACQ_read_offset=( 18 )
@18*(2.2199427477052489)
##$ACQ_phase1_offset=( 18 )
@18*(0.11682212853890395)
##$ACQ_phase2_offset=( 18 )
@18*(0)
##$ACQ_slice_sepn_mode=Contiguous
##$ACQ_slice_thick=0.5
##$ACQ_slice_offset=( 18 )
-5.2737476529656142 -4.7737476529656142 -4.2737476529656142 
-3.7737476529656142 -3.2737476529656142 -2.7737476529656142 
-2.2737476529656142 -1.7737476529656142 -1.2737476529656142 
-0.77374765296561421 -0.27374765296561421 0.22625234703438579 
0.72625234703438579 1.2262523470343858 1.7262523470343858 2.2262523470343858 
2.7262523470343858 3.2262523470343858
##$ACQ_obj_order=( 18 )
0 2 4 6 8 10 12 14 16 1 3 5 7 9 11 13 15 17
##$ACQ_flip_angle=180
##$ACQ_echo_time=( 1 )
36
##$ACQ_inter_echo_time=( 1 )
6
##$ACQ_recov_time=( 1 )
2907
##$ACQ_temporal_delay=( 1 )
0
##$ACQ_time_points=( 1 )
0
##$ACQ_RF_power=0
##$ACQ_transmitter_coil=( 16 )
<>
##$ACQ_position_X=0
##$ACQ_position_Y=0
##$ACQ_position_Z=0
##$BYTORDA=little
##$ACQ_adc_overflow=( 1 )
No
##$GRPDLY=-1
##$FRQLO3=0
##$FQ1LIST=( 16 )
<ACQ_O1_list>
##$FQ2LIST=( 16 )
<ACQ_O2_list>
##$FQ3LIST=( 16 )
<ACQ_O3_list>
##$FQ8LIST=( 16 )
<ACQ_O1B_list>
##$HPPRGN=normal
##$LOCNUC=( 8 )
<off>
##$SOLVENT=( 16 )
<>
##$DE=4.75
##$ACQ_scaling_read=1
##$ACQ_scaling_phase=1
##$ACQ_scaling_slice=1
##$ACQ_grad_matrix_size=18
##$ACQ_grad_matrix=( 18, 3, 3 )
-0.99994717364965235 0 0.010278614209752592 0 1 0 -0.010278614209752592 0 
-0.99994717364965235 -0.99994717364965235 0 0.010278614209752592 0 1 0 
-0.010278614209752592 0 -0.99994717364965235 -0.99994717364965235 0 
0.010278614209752592 0 1 0 -0.010278614209752592 0 -0.99994717364965235 
-0.99994717364965235 0 0.010278614209752592 0 1 0 -0.010278614209752592 0 
-0.99994717364965235 -0.99994717364965235 0 0.010278614209752592 0 1 0 
-0.010278614209752592 0 -0.99994717364965235 -0.99994717364965235 0 
0.010278614209752592 0 1 0 -0.010278614209752592 0 -0.99994717364965235 
-0.99994717364965235 0 0.010278614209752592 0 1 0 -0.010278614209752592 0 
-0.99994717364965235 -0.99994717364965235 0 0.010278614209752592 0 1 0 
-0.010278614209752592 0 -0.99994717364965235 -0.99994717364965235 0 
0.010278614209752592 0 1 0 -0.010278614209752592 0 -0.99994717364965235 
-0.99994717364965235 0 0.010278614209752592 0 1 0 -0.010278614209752592 0 
-0.99994717364965235 -0.99994717364965235 0 0.010278614209752592 0 1 0 
-0.010278614209752592 0 -0.99994717364965235 -0.99994717364965235 0 
0.010278614209752592 0 1 0 -0.010278614209752592 0 -0.99994717364965235 
-0.99994717364965235 0 0.010278614209752592 0 1 0 -0.010278614209752592 0 
-0.99994717364965235 -0.99994717364965235 0 0.010278614209752592 0 1 0 
-0.010278614209752592 0 -0.99994717364965235 -0.99994717364965235 0 
0.010278614209752592 0 1 0 -0.010278614209752592 0 -0.99994717364965235 
-0.99994717364965235 0 0.010278614209752592 0 1 0 -0.010278614209752592 0 
-0.99994717364965235 -0.99994717364965235 0 0.010278614209752592 0 1 0 
-0.010278614209752592 0 -0.99994717364965235 -0.99994717364965235 0 
0.010278614209752592 0 1 0 -0.010278614209752592 0 -0.99994717364965235
##$ACQ_GradientMatrixSize=18
##$ACQ_GradientMatrix=( 18, 3, 3 )
-0.99994717364965235 0 0.010278614209752592 0 1 0 -0.010278614209752592 0 
-0.99994717364965235 -0.99994717364965235 0 0.010278614209752592 0 1 0 
-0.010278614209752592 0 -0.99994717364965235 -0.99994717364965235 0 
0.010278614209752592 0 1 0 -0.010278614209752592 0 -0.99994717364965235 
-0.99994717364965235 0 0.010278614209752592 0 1 0 -0.010278614209752592 0 
-0.99994717364965235 -0.99994717364965235 0 0.010278614209752592 0 1 0 
-0.010278614209752592 0 -0.99994717364965235 -0.99994717364965235 0 
0.010278614209752592 0 1 0 -0.010278614209752592 0 -0.99994717364965235 
-0.99994717364965235 0 0.010278614209752592 0 1 0 -0.010278614209752592 0 
-0.99994717364965235 -0.99994717364965235 0 0.010278614209752592 0 1 0 
-0.010278614209752592 0 -0.99994717364965235 -0.99994717364965235 0 
0.010278614209752592 0 1 0 -0.010278614209752592 0 -0.99994717364965235 
-0.99994717364965235 0 0.010278614209752592 0 1 0 -0.010278614209752592 0 
-0.99994717364965235 -0.99994717364965235 0 0.010278614209752592 0 1 0 
-0.010278614209752592 0 -0.99994717364965235 -0.99994717364965235 0 
0.010278614209752592 0 1 0 -0.010278614209752592 0 -0.99994717364965235 
-0.99994717364965235 0 0.010278614209752592 0 1 0 -0.010278614209752592 0 
-0.99994717364965235 -0.99994717364965235 0 0.010278614209752592 0 1 0 
-0.010278614209752592 0 -0.99994717364965235 -0.99994717364965235 0 
0.010278614209752592 0 1 0 -0.010278614209752592 0 -0.99994717364965235 
-0.99994717364965235 0 0.010278614209752592 0 1 0 -0.010278614209752592 0 
-0.99994717364965235 -0.99994717364965235 0 0.010278614209752592 0 1 0 
-0.010278614209752592 0 -0.99994717364965235 -0.99994717364965235 0 
0.010278614209752592 0 1 0 -0.010278614209752592 0 -0.99994717364965235
##$NSLICES=18
##$ACQ_rare_factor=16
##$ACQ_phase_encoding_mode=( 2 )
Read User_Defined_Encoding
##$ACQ_phase_enc_start=( 2 )
-1 -1
##$ACQ_spatial_size_1=96
##$ACQ_spatial_phase_1=( 96 )
0.46000000000000002 0.35999999999999999 0.26000000000000001 0.16 
0.059999999999999998 -0.040000000000000001 -0.14000000000000001 
-0.23999999999999999 -0.34000000000000002 -0.44 -0.54000000000000004 
-0.64000000000000001 -0.73999999999999999 -0.83999999999999997 
-0.92000000000000004 0.88 0.47999999999999998 0.38 0.28000000000000003 
0.17999999999999999 0.080000000000000002 -0.02 -0.12 -0.22 
-0.32000000000000001 -0.41999999999999998 -0.52000000000000002 -0.62 
-0.71999999999999997 -0.81999999999999995 -0.90000000000000002 
0.90000000000000002 0.5 0.40000000000000002 0.29999999999999999 
0.20000000000000001 0.10000000000000001 0 -0.10000000000000001 
-0.20000000000000001 -0.29999999999999999 -0.40000000000000002 -0.5 
-0.59999999999999998 -0.69999999999999996 -0.80000000000000004 -0.88 
0.92000000000000004 0.52000000000000002 0.41999999999999998 
0.32000000000000001 0.22 0.12 0.02 -0.080000000000000002 -0.17999999999999999 
-0.28000000000000003 -0.38 -0.47999999999999998 -0.57999999999999996 
-0.68000000000000005 -0.78000000000000003 -0.85999999999999999 
0.93999999999999995 0.54000000000000004 0.44 0.34000000000000002 
0.23999999999999999 0.14000000000000001 0.040000000000000001 
-0.059999999999999998 -0.16 -0.26000000000000001 -0.35999999999999999 
-0.46000000000000002 -0.56000000000000005 -0.66000000000000003 
-0.76000000000000001 0.83999999999999997 0.95999999999999996 
0.56000000000000005 0.57999999999999996 0.59999999999999998 0.62 
0.64000000000000001 0.66000000000000003 0.68000000000000005 
0.69999999999999996 0.71999999999999997 0.73999999999999999 
0.76000000000000001 0.78000000000000003 0.80000000000000004 
0.81999999999999995 0.85999999999999999 0.97999999999999998
##$ACQ_gradient_amplitude=( 100 )
21.153142405069985 36.868222056766861 37.070177427842232 46.435653189170964 
27.447483856939929 15.967045897546789 0 9.4488833201357174 13.723741928469963 
@91*(0)
##$ACQ_ScanPipeJobSettings=( 1 )
(STORE_processed, STORE_32bit_signed, DISPLAY_each_accumulation, LOG_none, 
ACCUM_average, 1, 1728, 0, 0, 1728, 1728, NORMALIZE_none, PIPELINE_processed, 
0, STREAMING_none, DISPLAY_CoilsSideBySide, 1)
##$ACQ_SetupPipeJobSettings=( 1 )
(DISPLAY_each_accumulation, 288)
##$ACQ_ScanInnerAccumWeights=( 1, 1 )
10
##$ACQ_ScanOuterAccumWeights=( 1, 1 )
0
##$ACQ_ScanOnlineReco=Yes
##$ACQ_ScanTagFilterLength=( 8 )
0 0 0 0 0 0 0 0
##$ACQ_ScanFtDisplay=No
##$ACQ_jobs_size=1
##$ACQ_repetition_time=( 1 )
3000
##$ACQ_scan_type=Scan_Experiment
##$ACQ_DebugOptions=(20, 0, No)
##$ACQ_TriggerTimeout=(30, No, No)
##$ACQ_dim=2
##$ACQ_RxFilterDefaultOptions=( 1 )
(Yes, No)
##$ACQ_SetupRecoDisplay=Yes
##$ACQ_SetupDim=1
##$ACQ_SetupImageType=MAGNITUDE_IMAGE
##$ACQ_SetupOnlineReco=Yes
##$ACQ_SetupShowDigFilling=Yes
##$ACQ_SetupType=Spectrometer_Parameters
##$ACQ_SetupFtDisplay=No
##$ACQ_RxFilterSettings=( 1 )
(HwFilter_BypassFir, SwFilter_LowPassSharp_Decim, 138, 24, 2, 1824, 
SwDataExt_Zero, 0)
##$ACQ_RxFilterInfo=( 1 )
(0, 76.083333333333329, 9.1500000000000004, 17.846743478749662, 31)
##$ACQ_jobs=( 1 )
(320, 288, 0, 17280, 101, 72463.768115942032, 1728, 1, <job0>)
##$ACQ_preload=0
##$ACQ_branch_preload=( 10, 2 )
@18*(1000000) 500 500
##$ACQ_ReceiverSelect=( 6 )
No No No Yes No No
##$ACQ_ReceiverSelectPerChan=( 1, 6 )
No No No Yes No No
##$ACQ_TxSguSelect=( 6 )
Yes Yes No No No No
##$ACQ_RfShapes=( 64 )
(<$ExcPulse1Shape>, 15.970641965636021, 0, 0.5, 1, 100 100 @22*(0), 0 90 
@22*(0)) (<$RefPulse1Shape>, 164.5309047589447, 0, 0, 1, 100 100 @22*(0), 0 
90 @22*(0)) (<>, 0, 0, 0.5, 0, @24*(0), @24*(0)) (<>, 0, 0, 0.5, 0, @24*(0), 
@24*(0)) (<>, 0, 0, 0.5, 0, @24*(0), @24*(0)) (<>, 0, 0, 0.5, 0, @24*(0), 
@24*(0)) (<>, 0, 0, 0.5, 0, @24*(0), @24*(0)) (<>, 0, 0, 0.5, 0, @24*(0), 
@24*(0)) (<>, 0, 0, 0.5, 0, @24*(0), @24*(0)) (<>, 0, 0, 0.5, 0, @24*(0), 
@24*(0)) (<>, 0, 0, 0.5, 0, @24*(0), @24*(0)) (<>, 0, 0, 0.5, 0, @24*(0), 
@24*(0)) (<>, 0, 0, 0.5, 0, @24*(0), @24*(0)) (<>, 0, 0, 0.5, 0, @24*(0), 
@24*(0)) (<>, 0, 0, 0.5, 0, @24*(0), @24*(0)) (<>, 0, 0, 0.5, 0, @24*(0), 
@24*(0)) (<>, 0, 0, 0.5, 0, @24*(0), @24*(0)) (<>, 0, 0, 0.5, 0, @24*(0), 
@24*(0)) (<>, 0, 0, 0.5, 0, @24*(0), @24*(0)) (<>, 0, 0, 0.5, 0, @24*(0), 
@24*(0)) (<>, 0, 0, 0.5, 0, @24*(0), @24*(0)) (<>, 0, 0, 0.5, 0, @24*(0), 
@24*(0)) (<>, 0, 0, 0.5, 0, @24*(0), @24*(0)) (<>, 0, 0, 0.5, 0, @24*(0), 
@24*(0)) (<>, 0, 0, 0.5, 0, @24*(0), @24*(0)) (<>, 0, 0, 0.5, 0, @24*(0), 
@24*(0)) (<>, 0, 0, 0.5, 0, @24*(0), @24*(0)) (<>, 0, 0, 0.5, 0, @24*(0), 
@24*(0)) (<>, 0, 0, 0.5, 0, @24*(0), @24*(0)) (<>, 0, 0, 0.5, 0, @24*(0), 
@24*(0)) (<>, 0, 0, 0.5, 0, @24*(0), @24*(0)) (<>, 0, 0, 0.5, 0, @24*(0), 
@24*(0)) (<>, 0, 0, 0.5, 0, @24*(0), @24*(0)) (<>, 0, 0, 0.5, 0, @24*(0), 
@24*(0)) (<>, 0, 0, 0.5, 0, @24*(0), @24*(0)) (<>, 0, 0, 0.5, 0, @24*(0), 
@24*(0)) (<>, 0, 0, 0.5, 0, @24*(0), @24*(0)) (<>, 0, 0, 0.5, 0, @24*(0), 
@24*(0)) (<>, 0, 0, 0.5, 0, @24*(0), @24*(0)) (<>, 0, 0, 0.5, 0, @24*(0), 
@24*(0)) (<gauss512.exc>, 2.3431963783323764, 0, 0.5, 1, 100 100 @22*(0), 0 
90 @22*(0)) (<$PVM_FovSatPulShape>, 44.362894348988959, 0, 0.5, 1, 100 100 
@22*(0), 0 90 @22*(0)) (<$PVM_SelIrPulShape>, 73.364642565132854, 0, 0, 1, 
100 100 @22*(0), 0 90 @22*(0)) (<>, 0, 0, 0.5, 0, @24*(0), @24*(0)) 
(<$PVM_FlowSatPulShape>, 44.362894348988959, 0, 0.5, 1, 100 100 @22*(0), 0 90 
@22*(0)) (<bp.exc>, 38.657514661327156, 0, 0.5, 1, 100 100 @22*(0), 0 90 
@22*(0)) (<$PVM_BlBloodPulShape>, 73.364642565132854, 0, 0, 1, 100 100 @22*(0)
, 0 90 @22*(0)) (<>, 0, 0, 0.5, 0, @24*(0), @24*(0)) (<>, 0, 0, 0.5, 0, 
@24*(0), @24*(0)) (<>, 0, 0, 0.5, 0, @24*(0), @24*(0)) (<>, 0, 0, 0.5, 0, 
@24*(0), @24*(0)) (<>, 0, 0, 0.5, 0, @24*(0), @24*(0)) (<>, 0, 0, 0.5, 0, 
@24*(0), @24*(0)) (<>, 0, 0, 0.5, 0, @24*(0), @24*(0)) (<>, 0, 0, 0.5, 0, 
@24*(0), @24*(0)) (<>, 0, 0, 0.5, 0, @24*(0), @24*(0)) (<>, 0, 0, 0.5, 0, 
@24*(0), @24*(0)) (<>, 0, 0, 0.5, 0, @24*(0), @24*(0)) (<>, 0, 0, 0.5, 0, 
@24*(0), @24*(0)) (<>, 0, 0, 0.5, 0, @24*(0), @24*(0)) (<>, 0, 0, 0.5, 0, 
@24*(0), @24*(0)) (<>, 0, 0, 0.5, 0, @24*(0), @24*(0)) (<>, 0, 0, 0.5, 0, 
@24*(0), @24*(0)) (<>, 0, 0, 0.5, 0, @24*(0), @24*(0))
##$ACQ_WriteServerIOR=( 453 )
<IOR:010000002600000049444c3a73632e6e6d722e6272756b65722e64652f6163712f41637157726974653a312e300000000100000000000000a4000000010102000d0000003134392e3233362e39392e31000083c00e000000fe6daeb36900007d5f000000000300000400000000000000080000000100000000545441010000001c00000001000000010001050100000001000105090101000100000009010100030000001a00000001000000100000003131352e3134352e3138352e32333600cbb500000300000014000000010000000a0000003132372e302e302e3100a987>
##$D=( 64 )
0.052793523809523783 0.00011999999999999999 0.00074623076923076921 
0.00015300000000000001 0 0.0006422307692307694 0.00011999999999999999 0 0 
0.00076500000000000005 @54*(0)
##$P=( 64 )
2000 1961.5384615384614 @62*(0)
##$PLW=( 64 )
@64*(0)
##$PH_ref=0
##$BF1=400.30784155403524
##$SFO1=400.30784155403524
##$O1=0
##$BF2=400.30000000000001
##$SFO2=400.30000000000001
##$O2=0
##$BF3=400.30000000000001
##$SFO3=400.30000000000001
##$O3=0
##$BF4=400.30000000000001
##$SFO4=400.30000000000001
##$O4=0
##$BF5=400.30000000000001
##$SFO5=400.30000000000001
##$O5=0
##$BF6=400.30000000000001
##$SFO6=400.30000000000001
##$O6=0
##$BF7=400.30000000000001
##$SFO7=400.30000000000001
##$O7=0
##$BF8=400.30000000000001
##$SFO8=400.30000000000001
##$O8=0
##$NUC1=( 8 )
<1H>
##$NUC2=( 8 )
<off>
##$NUC3=( 8 )
<off>
##$NUC4=( 8 )
<off>
##$NUC5=( 8 )
<off>
##$NUC6=( 8 )
<off>
##$NUC7=( 8 )
<off>
##$NUC8=( 8 )
<off>
##$L=( 32 )
0 0 6 @29*(0)
##$ACQ_DriftCompActive=No
##$ACQ_DriftCompJob=1
##$ACQ_DriftCompFilterWidth=1
##$ACQ_DriftCompStep=1
##$ACQ_DriftCompOffset=0
##$ACQ_DriftCompDebug=No
$$ @vis= ACQP ACQ_COMMON ACQ_protocol_name ACQ_scan_name ACQ_method
$$ @vis= ACQ_patient_pos ACQ_time ACQ_abs_time ACQ_operator ACQ_institution
$$ @vis= ACQ_station ACQ_system_order_number ACQ_sw_version ACQ_contrast_agent
$$ @vis= ACQ_contrast ACQ_ATS ACQ_AtsOffsetsSize ACQ_SIMUL
$$ @vis= SIMUL_ExperimentDurationFactor GOSI_RepetitionTime PULPROG
$$ @vis= ACQ_experiment_mode ACQ_n_experiments ACQ_experiments ACQ_DS_enabled
$$ @vis= ACQ_switch_pll_enabled ACQ_GradRes ACQ_dim_desc ACQ_size
$$ @vis= ACQ_ns_list_size ACQ_ns ACQ_ns_list ACQ_phase_factor ACQ_scan_size NI
$$ @vis= NA NAE NR DS SW_h ACQ_O1_mode ACQ_O1_list_size ACQ_O1_list
$$ @vis= ACQ_O1B_list_size ACQ_O1B_list ACQ_O2_mode ACQ_O2_list_size
$$ @vis= ACQ_O2_list ACQ_O3_mode ACQ_O3_list_size ACQ_O3_list NUCLEUS
$$ @vis= ACQ_vd_list_size ACQ_vp_list_size ACQ_INFO ACQ_completed
$$ @vis= ACQ_word_size NECHOES ACQ_n_echo_images ACQ_n_movie_frames
$$ @vis= ACQ_echo_descr ACQ_movie_descr ACQ_fov ACQ_read_ext ACQ_slice_angle
$$ @vis= ACQ_slice_orient ACQ_read_offset ACQ_phase1_offset ACQ_phase2_offset
$$ @vis= ACQ_slice_sepn_mode ACQ_slice_thick ACQ_slice_offset ACQ_obj_order
$$ @vis= ACQ_flip_angle ACQ_echo_time ACQ_inter_echo_time ACQ_recov_time
$$ @vis= ACQ_temporal_delay ACQ_time_points ACQ_RF_power ACQ_transmitter_coil
$$ @vis= ACQ_position_X ACQ_position_Y ACQ_position_Z BYTORDA ACQ_adc_overflow
$$ @vis= GRPDLY FRQLO3 HIRES FQ1LIST FQ2LIST FQ3LIST FQ8LIST HPPRGN LOCNUC
$$ @vis= SOLVENT AVANCE_PARS DE GRAD_PARS ACQ_scaling_read ACQ_scaling_phase
$$ @vis= ACQ_scaling_slice ACQ_grad_matrix_size ACQ_grad_matrix
$$ @vis= ACQ_GradientMatrixSize ACQ_GradientMatrix NSLICES ACQ_rare_factor
$$ @vis= ACQ_phase_encoding_mode ACQ_phase_enc_start ACQ_spatial_size_0
$$ @vis= ACQ_spatial_phase_0 ACQ_spatial_size_1 ACQ_spatial_phase_1
$$ @vis= ACQ_spatial_size_2 ACQ_spatial_phase_2 ACQ_gradient_amplitude
$$ @vis= ACQ_SCAN ACQ_ScanPipeJobSettings ACQ_SetupPipeJobSettings
$$ @vis= ACQ_ScanInnerAccumWeights ACQ_ScanOuterAccumWeights
$$ @vis= ACQ_ScanOnlineReco ACQ_ScanTagFilterLength ACQ_ScanFtDisplay
$$ @vis= ACQ_jobs_size ACQ_repetition_time ACQ_scan_type ACQ_DebugOptions
$$ @vis= ACQ_TriggerTimeout ACQ_dim ACQ_RxFilterDefaultOptions ACQ_SETUP
$$ @vis= ACQ_SetupRecoDisplay ACQ_SetupDim ACQ_SetupImageType
$$ @vis= ACQ_SetupOnlineReco ACQ_SetupShowDigFilling ACQ_SetupType
$$ @vis= ACQ_SetupFtDisplay ACQ_CONTROL ACQ_RxFilterSettings ACQ_RxFilterInfo
$$ @vis= ACQ_jobs ACQ_preload ACQ_branch_preload ACQ_ReceiverSelect
$$ @vis= ACQ_ReceiverSelectPerChan ACQ_TxSguSelect ACQ_RfShapes
$$ @vis= ACQ_WriteServerIOR D P PLW PH_ref BF1 SFO1 O1 BF2 SFO2 O2 BF3 SFO3 O3
$$ @vis= BF4 SFO4 O4 BF5 SFO5 O5 BF6 SFO6 O6 BF7 SFO7 O7 BF8 SFO8 O8 NUC1 NUC2
$$ @vis= NUC3 NUC4 NUC5 NUC6 NUC7 NUC8 L Drift ACQ_DriftCompActive
$$ @vis= ACQ_DriftCompJob ACQ_DriftCompFilterWidth ACQ_DriftCompStep
$$ @vis= ACQ_DriftCompOffset ACQ_DriftCompDebug
##END=
$$ File finished by PARX at 2026-03-13 15:31:00.491 +0900
