##TITLE=Parameter List, ParaVision 360 V3.6
##JCAMPDX=4.24
##DATATYPE=Parameter Values
##ORIGIN=Bruker BioSpin GmbH & Co. KG
##OWNER=neuro
$$ Write Options: Symbolic Enums, RLE encoded arrays, symbol visibility
$$ 2026-03-13 14:19:06.832 +0900  neuro@czc4217pzz
$$ /opt/PV-360.3.6/data/neuro/20260313_135901_Kostya_260413_fiber_placement_engrams_1_13/5/pdata/1/visu_pars
$$ process /opt/PV-360.3.6/prog/bin/parxserver
##$VisuVersion=8
##$VisuUid=( 65 )
<2.16.756.5.5.200.8323328.528993.1773378846.457>
##$VisuCreator=( 65 )
<ParaVision>
##$VisuCreatorVersion=( 195 )
<360.3.6>
##$VisuCreationDate=<2026-03-13T14:19:06,777+0900>
##$VisuInstanceType=STANDARD_INSTANCE
##$VisuInstanceModality=( 65 )
<MR>
##$VisuInstanceDeIdentified=No
##$VisuCoreFrameCount=18
##$VisuCoreDim=2
##$VisuCoreSize=( 2 )
160 100
##$VisuCoreDimDesc=( 2 )
spatial spatial
##$VisuCoreExtent=( 2 )
16 10
##$VisuCoreFrameThickness=( 1 )
0.5
##$VisuCoreUnits=( 2, 65 )
<mm> <mm>
##$VisuCoreOrientation=( 18, 9 )
-0.99997426340455287 0 -0.0071744357633237669 0 -1 0 -0.0071744357633237669 0 
0.99997426340455287 -0.99997426340455287 0 -0.0071744357633237669 0 -1 0 
-0.0071744357633237669 0 0.99997426340455287 -0.99997426340455287 0 
-0.0071744357633237669 0 -1 0 -0.0071744357633237669 0 0.99997426340455287 
-0.99997426340455287 0 -0.0071744357633237669 0 -1 0 -0.0071744357633237669 0 
0.99997426340455287 -0.99997426340455287 0 -0.0071744357633237669 0 -1 0 
-0.0071744357633237669 0 0.99997426340455287 -0.99997426340455287 0 
-0.0071744357633237669 0 -1 0 -0.0071744357633237669 0 0.99997426340455287 
-0.99997426340455287 0 -0.0071744357633237669 0 -1 0 -0.0071744357633237669 0 
0.99997426340455287 -0.99997426340455287 0 -0.0071744357633237669 0 -1 0 
-0.0071744357633237669 0 0.99997426340455287 -0.99997426340455287 0 
-0.0071744357633237669 0 -1 0 -0.0071744357633237669 0 0.99997426340455287 
-0.99997426340455287 0 -0.0071744357633237669 0 -1 0 -0.0071744357633237669 0 
0.99997426340455287 -0.99997426340455287 0 -0.0071744357633237669 0 -1 0 
-0.0071744357633237669 0 0.99997426340455287 -0.99997426340455287 0 
-0.0071744357633237669 0 -1 0 -0.0071744357633237669 0 0.99997426340455287 
-0.99997426340455287 0 -0.0071744357633237669 0 -1 0 -0.0071744357633237669 0 
0.99997426340455287 -0.99997426340455287 0 -0.0071744357633237669 0 -1 0 
-0.0071744357633237669 0 0.99997426340455287 -0.99997426340455287 0 
-0.0071744357633237669 0 -1 0 -0.0071744357633237669 0 0.99997426340455287 
-0.99997426340455287 0 -0.0071744357633237669 0 -1 0 -0.0071744357633237669 0 
0.99997426340455287 -0.99997426340455287 0 -0.0071744357633237669 0 -1 0 
-0.0071744357633237669 0 0.99997426340455287 -0.99997426340455287 0 
-0.0071744357633237669 0 -1 0 -0.0071744357633237669 0 0.99997426340455287
##$VisuCorePosition=( 18, 3 )
9.4256346544684728 5.1168221285389039 -5.1754741626532548 9.4220474365868103 
5.1168221285389039 -4.6754870309509782 9.4184602187051496 5.1168221285389039 
-4.1754998992487016 9.4148730008234871 5.1168221285389039 -3.6755127675464254 
9.4112857829418246 5.1168221285389039 -3.1755256358441488 9.4076985650601621 
5.1168221285389039 -2.6755385041418727 9.4041113471785014 5.1168221285389039 
-2.1755513724395961 9.4005241292968389 5.1168221285389039 -1.6755642407373197 
9.3969369114151782 5.1168221285389039 -1.1755771090350433 9.3933496935335157 
5.1168221285389039 -0.67558997733276682 9.3897624756518532 5.1168221285389039 
-0.17560284563049039 9.3861752577701925 5.1168221285389039 
0.32438428607178599 9.38258803988853 5.1168221285389039 0.82437141777406242 
9.3790008220068675 5.1168221285389039 1.3243585494763388 9.3754136041252067 
5.1168221285389039 1.8243456811786154 9.3718263862435442 5.1168221285389039 
2.324332812880892 9.3682391683618818 5.1168221285389039 2.8243199445831682 
9.364651950480221 5.1168221285389039 3.3243070762854443
##$VisuCoreModalityOffset=( 1, 3 )
0 0 0
##$VisuCoreAtsCenterDistance=0
##$VisuCoreDataMin=( 18 )
1.8868266038644554 3.8011514578001702 0.75138337820054668 0.70685332502982201 
7.2762314593735971 6.3481871570200772 7.6859927669769794 5.6022163837681305 
3.7450536905041223 0.81697289484287994 8.7341370553743509 1.0768750005864405 
3.4532514701207262 5.1457963911929454 1.3097404135961908 0.33126651836784282 
4.1975021300141 6.2110795792852347
##$VisuCoreDataMax=( 18 )
10927.5465582057 17240.582417346963 18351.101022341358 16447.16087716935 
17164.201772113214 30278.602379859527 32766.5 25585.514063338214 
20322.07651504302 17291.123235510953 18645.921552391908 17606.888060640122 
14215.158094779803 15758.433000408384 16633.188229554366 15006.22774082409 
15482.306243978182 16886.545299962316
##$VisuCoreDataOffs=( 18 )
@18*(0)
##$VisuCoreDataSlope=( 18 )
@18*(2.2810206234402113)
##$VisuCoreFrameType=( 1 )
MAGNITUDE_IMAGE
##$VisuCoreSlicePacksDef=(0, 1)
##$VisuCoreSlicePacksSlices=( 1 )
(0, 18)
##$VisuCoreSlicePacksSliceDist=( 1 )
0.5
##$VisuCoreWordType=_16BIT_SGN_INT
##$VisuCoreByteOrder=littleEndian
##$VisuFGOrderDescDim=1
##$VisuFGOrderDesc=( 1 )
(18, <FG_SLICE>, <>, 0, 2)
##$VisuGroupDepVals=( 2 )
(<VisuCoreOrientation>, 0) (<VisuCorePosition>, 0)
##$VisuSubjectName=( 65 )
<Kostya^^^^>
##$VisuSubjectId=( 65 )
<Kostya>
##$VisuSubjectUid=( 65 )
<2.16.756.5.5.200.8323328.2247006.1760352368.13>
##$VisuSubjectInstanceCreationDate=(1760352368, 436, 540)
##$VisuSubjectBirthDate=( 9 )
<20251013>
##$VisuSubjectSex=UNKNOWN
##$VisuSubjectType=Quadruped
##$VisuStudyUid=( 65 )
<2.16.756.5.5.200.8323328.528993.1773377941.13>
##$VisuStudyDate=<2026-03-13T13:59:01,618+0900>
##$VisuStudyId=( 65 )
<260413_fiber_placement_engrams>
##$VisuStudyNumber=13
##$VisuSubjectWeight=0.001
##$VisuStudyReferringPhysician=( 65 )
<neuro>
##$VisuExperimentNumber=5
##$VisuProcessingNumber=1
##$VisuSeriesDate=<2026-03-13T14:19:06,777+0900>
##$VisuSubjectPosition=Head_Prone
##$VisuSeriesTypeId=( 65 )
<ACQ_BRUKER_PVM>
##$VisuSeriesCreationId=VCMN_ACQUISITION
##$VisuSeriesExperimentComment=( 65 )
<2M_T2_TurboRARE_2D>
##$VisuSeriesFrameOfReferenceUid=( 65 )
<2.16.756.5.5.200.8323328.528993.1773377941.13>
##$VisuManufacturer=( 65 )
<Bruker BioSpin GmbH & Co. KG>
##$VisuAcqSoftwareVersion=( 65 )
<PV-360.3.6>
##$VisuInstitution=( 65 )
<RESEARCH & BUSINESS FOUDATION OF SK Suwon-si>
##$VisuStation=( 65 )
<BAP94/31>
##$VisuSystemOrderNumber=( 65 )
<5084095>
##$VisuAcqDate=<2026-03-13T14:16:05,244+0900>
##$VisuAcqSequenceName=( 40 )
<Bruker:RARE>
##$VisuAcquisitionProtocol=( 65 )
<2M_T2_TurboRARE_2D>
##$VisuAcqScanTime=180000
##$VisuAcqFrameNumbers=( 18 )
0 9 1 10 2 11 3 12 4 13 5 14 6 15 7 16 8 17
##$VisuCardiacSynchUsed=No
##$VisuRespSynchUsed=No
##$VisuAcqNumberOfAverages=10
##$VisuAcqRepetitionTime=( 1 )
3000
##$VisuCoilReceiveName=( 65 )
<RF SUC 400 1H LNA AV3>
##$VisuCoilReceiveManufacturer=( 65 )
<BMRIDE>
##$VisuCoilReceiveType=SURFACE_COIL
##$VisuCoilReceiveIsQuadrature=No
##$VisuCoilTransmitName=( 65 )
<RF RES 400 1H 112/086 QSN TO AD>
##$VisuCoilTransmitManufacturer=( 65 )
<BMRIDE>
##$VisuCoilTransmitType=MULTICOIL
##$VisuCoilTransmitIsQuadrature=Yes
##$VisuCoilTransmitMultiName=( 2 )
(<Element 1>, Yes) (<Element 2>, Yes)
##$VisuAcqEchoTrainLength=16
##$VisuAcqImagingFrequency=400.30774436548796
##$VisuAcqImagedNucleus=( 8 )
<1H>
##$VisuAcqPixelBandwidth=452.89855072463769
##$VisuAcqFlipAngle=180
##$VisuMrAcqFlipAngleVariable=No
##$VisuAcqSize=( 2 )
160 96
##$VisuAcqImageSizeAccellerated=Yes
##$VisuAcqGradEncoding=( 2 )
read_enc phase_enc
##$VisuAcqEchoTime=( 1 )
36
##$VisuAcqAntiAlias=( 2 )
1 1
##$VisuAcqEchoSequenceType=SpinEcho
##$VisuAcqSpinsVelocityEncoded=No
##$VisuAcqHasTimeOfFlightContrast=No
##$VisuAcqIsEpiSequence=No
##$VisuAcqSpectralSuppression=FatSuppression
##$VisuAcqKSpaceTraversal=RectilinearTraversal
##$VisuAcqEncodingOrder=( 2 )
LinearEncoding LinearEncoding
##$VisuAcqKSpaceTrajectoryCnt=0
##$VisuAcqKSpaceFiltering=( 2 )
DICOM_NONE DICOM_NONE
##$VisuAcqFlowCompensation=FlowNone
##$VisuAcqSpoiling=GradientSpoiled
##$VisuAcqSaturation=( 3 )
(FovSaturation, 9, -0 -1 0, -0 -9.2783498897794967 0) (FovSaturation, 5, -0 
-0 1, 0 0 -7.9652600505762559) (FovSaturation, 5, -0 -0 1, -0 -0 
6.2209293620038819)
##$VisuAcqPartialFourier=( 2 )
1 1.0416666667000001
##$VisuAcqParallelReductionFactor=( 2 )
1 1
##$VisuAcqMagnetizationTransfer=No
##$VisuAcqBloodSignalNulling=No
##$VisuMagneticFieldStrength=9.4021924174532128
##$VisuMrMultiSpinEcho=Yes
##$VisuMrMultiPlanar=No
##$VisuMrSteadyStatePulse=MR_ST_TRANSVERSE
##$VisuMrSegmentedKSpaceTraversal=MR_SKST_PARTIAL
##$VisuMrCoverageOfKSpace=MR_CKS_FULL
##$VisuMrPercentSampling=96
$$ @vis= Visu VisuInstance VisuVersion VisuUid VisuCreator VisuCreatorVersion
$$ @vis= VisuCreationDate VisuInstanceType VisuInstanceModality
$$ @vis= VisuInstanceDeIdentified VisuCore VisuCoreFrameCount VisuCoreDim
$$ @vis= VisuCoreSize VisuCoreDimDesc VisuCoreExtent VisuCoreFrameThickness
$$ @vis= VisuCoreUnits VisuCoreOrientation VisuCorePosition
$$ @vis= VisuCoreModalityOffset VisuCoreAtsCenterDistance VisuCoreDataMin
$$ @vis= VisuCoreDataMax VisuCoreDataOffs VisuCoreDataSlope VisuCoreFrameType
$$ @vis= VisuCoreSlicePacksDef VisuCoreSlicePacksSlices
$$ @vis= VisuCoreSlicePacksSliceDist VisuPixel VisuCoreWordType
$$ @vis= VisuCoreByteOrder VisuFrameOrderDesc VisuFGOrderDescDim
$$ @vis= VisuFGOrderDesc VisuGroupDepVals VisuSubject VisuSubjectName
$$ @vis= VisuSubjectId VisuSubjectUid VisuSubjectInstanceCreationDate
$$ @vis= VisuSubjectBirthDate VisuSubjectSex VisuSubjectType VisuStudy
$$ @vis= VisuStudyUid VisuStudyDate VisuStudyId VisuStudyNumber
$$ @vis= VisuSubjectWeight VisuStudyReferringPhysician VisuSeries
$$ @vis= VisuExperimentNumber VisuProcessingNumber VisuSeriesDate
$$ @vis= VisuSubjectPosition VisuSeriesTypeId VisuSeriesCreationId
$$ @vis= VisuSeriesExperimentComment VisuSeriesFrameOfReferenceUid
$$ @vis= VisuContrastAgent VisuEquipment VisuManufacturer
$$ @vis= VisuAcqSoftwareVersion VisuInstitution VisuStation
$$ @vis= VisuSystemOrderNumber VisuAcq VisuAcqDate VisuAcqSequenceName
$$ @vis= VisuAcquisitionProtocol VisuAcqScanTime VisuAcqFrameNumbers
$$ @vis= VisuCardiacSynchUsed VisuRespSynchUsed VisuAcqNumberOfAverages
$$ @vis= VisuMxi VisuAcqRepetitionTime VisuCoilReceive VisuCoilReceiveName
$$ @vis= VisuCoilReceiveManufacturer VisuCoilReceiveType
$$ @vis= VisuCoilReceiveIsQuadrature VisuCoilTransmit VisuCoilTransmitName
$$ @vis= VisuCoilTransmitManufacturer VisuCoilTransmitType
$$ @vis= VisuCoilTransmitIsQuadrature VisuCoilTransmitMultiName VisuMri
$$ @vis= VisuAcqEchoTrainLength VisuAcqImagingFrequency VisuAcqImagedNucleus
$$ @vis= VisuAcqPixelBandwidth VisuAcqFlipAngle VisuMrAcqFlipAngleVariable
$$ @vis= VisuAcqSize VisuAcqImageSizeAccellerated VisuAcqGradEncoding
$$ @vis= VisuAcqEchoTime VisuAcqAntiAlias VisuAcqEchoSequenceType
$$ @vis= VisuAcqSpinsVelocityEncoded VisuAcqHasTimeOfFlightContrast
$$ @vis= VisuAcqIsEpiSequence VisuAcqSpectralSuppression
$$ @vis= VisuAcqKSpaceTraversal VisuAcqEncodingOrder
$$ @vis= VisuAcqKSpaceTrajectoryCnt VisuAcqKSpaceFiltering
$$ @vis= VisuAcqFlowCompensation VisuAcqSpoiling VisuAcqSaturation
$$ @vis= VisuAcqPartialFourier VisuAcqParallelReductionFactor
$$ @vis= VisuAcqMagnetizationTransfer VisuAcqBloodSignalNulling
$$ @vis= VisuMagneticFieldStrength VisuMrMultiSpinEcho VisuMrMultiPlanar
$$ @vis= VisuMrSteadyStatePulse VisuMrSegmentedKSpaceTraversal
$$ @vis= VisuMrCoverageOfKSpace VisuMrPercentSampling VisuMrs
##END=
$$ File finished by PARX at 2026-03-13 14:19:06.833 +0900
