##TITLE=Parameter List, ParaVision 360 V3.6
##JCAMPDX=4.24
##DATATYPE=Parameter Values
##ORIGIN=Bruker BioSpin GmbH & Co. KG
##OWNER=neuro
$$ Write Options: Symbolic Enums, RLE encoded arrays, symbol visibility
$$ 2026-03-13 15:31:00.462 +0900  neuro@czc4217pzz
$$ /opt/PV-360.3.6/data/neuro/20260313_135901_Kostya_260413_fiber_placement_engrams_1_13/13/method
$$ process /opt/PV-360.3.6/prog/bin/parxserver
##$Method=<Bruker:RARE>
##$PVM_GeoObj=( 2, 65 )
<PVM_SliceGeoObj> <PVM_FovSatGeoObj>
##$PVM_StudyInstrumentPosition=Head_Prone
##$PVM_ExportHandler=( 3 )
(<BRUKER_PARIMPORT_SLICEGEO>, <>, <Slice Geometry>) (<BRUKER_PARIMPORT_FOVSAT>
, <>, <FOV Saturation>) (<BRUKER_PARIMPORT_SLICEORIENT>, <>, <Slice 
Orientation>)
##$PVM_EchoTime=6
##$EffectiveTE=( 1 )
36
##$PVM_RareFactor=16
##$PVM_RepetitionTime=3000
##$PVM_NAverages=10
##$PVM_NRepetitions=1
##$PVM_NEchoImages=1
##$PVM_ScanTime=180000
##$PVM_DeriveGains=Yes
##$ExcPulse1Enum=<Calculated>
##$ExcPulse1=(2, 3000, 90, Yes, 4, 6000, 0.15558072029082534, 
0.13562335619905388, 0, 50, 15.970641965636021, <$ExcPulse1Shape>)
##$ExcPulse1Ampl=(15.970641965636021, 28.258310251708277, -12.033223736544361)
##$RefPulse1Enum=<Calculated>
##$RefPulse1=(1.9615384615384615, 2600, 180, Yes, 4, 5100, 0.09884538217055279,
 0.09146010843593079, 1, 0, 164.5309047589447, <$RefPulse1Shape>)
##$RefPulse1Ampl=(164.5309047589447, 90.700304508569516, -22.162474859069818)
##$PVM_GradCalConst=28364.579999999998
##$PVM_Nucleus1Enum=<1H>
##$PVM_Nucleus1=( 8 )
<1H>
##$PVM_RefPowMod1=AutoAdj
##$PVM_RefPowCh1=1.5463005864530861
##$PVM_RefPowStat1=( 1024 )
<Study: Adj by Bruker:AdjRefPowADJ_REF_POW>
##$PVM_Nucleus2Enum=<1H>
##$PVM_Nucleus3Enum=<1H>
##$PVM_Nucleus4Enum=<1H>
##$PVM_Nucleus5Enum=<1H>
##$PVM_Nucleus6Enum=<1H>
##$PVM_Nucleus7Enum=<1H>
##$PVM_Nucleus8Enum=<1H>
##$PVM_FrqRef=( 8 )
400.30784155403524 0 0 0 0 0 0 0
##$PVM_FrqWorkOffset=( 8 )
0 0 0 0 0 0 0 0
##$PVM_FrqWork=( 8 )
400.30784155403524 0 0 0 0 0 0 0
##$PVM_FrqRefPpm=( 8 )
4.7000000000000002 0 0 0 0 0 0 0
##$PVM_FrqWorkOffsetPpm=( 8 )
0 0 0 0 0 0 0 0
##$PVM_FrqWorkPpm=( 8 )
4.7000000000000002 0 0 0 0 0 0 0
##$PVM_NucleiPpmWork=( 20 )
(<1H>, 4.7000000000000002) (<none>, 0) (<none>, 0) (<none>, 0) (<none>, 0) 
(<none>, 0) (<none>, 0) (<none>, 0) (<none>, 0) (<none>, 0) (<none>, 0) 
(<none>, 0) (<none>, 0) (<none>, 0) (<none>, 0) (<none>, 0) (<none>, 0) 
(<none>, 0) (<none>, 0) (<none>, 0)
##$PVM_TxCoilScMode1=AutoAdj
##$PVM_TxCoilAdjStat1=( 1024 )
<System (Coil)>
##$PVM_TxCoilAmpScaling1=( 2 )
100 100
##$PVM_TxCoilPhaseOffset1=( 2 )
0 90
##$PVM_EncGenOpt=Yes
##$PVM_EncGenEllipse=No
##$PVM_MbEncNBands=1
##$PVM_MbEncAccelFactor=1
##$PVM_MbEncBlipFactor=1
##$PVM_EncGen3D=Yes
##$PVM_EncGen4D=No
##$PVM_EncGenPpi=No
##$PVM_EncGenCaipirinha=No
##$PVM_EncGenTCaipirinha=No
##$PVM_EncVirtualCoils=No
##$PVM_EncCS=No
##$PVM_EncCSUndersampling=100
##$PVM_EncCSCenterRatio=10
##$PVM_EncCSNumRef=( 2 )
160 92
##$PVM_EncCSGradOpt=Yes
##$PVM_EncCSEllipse=No
##$PVM_EncPftAlgorithm=Zerofilling
##$PVM_EncPpiRefScan=No
##$PVM_IsEpiScan=No
##$PVM_SpatDimEnum=<2D>
##$PVM_IsotropicFovRes=Isot_None
##$PVM_Matrix=( 2 )
160 100
##$PVM_MinMatrix=( 2 )
32 32
##$PVM_MaxMatrix=( 2 )
2048 2048
##$PVM_DefMatrix=( 3 )
256 256 64
##$PVM_AntiAlias=( 2 )
1 1
##$PVM_MaxAntiAlias=( 2 )
2 8
##$PVM_EncSpectroscopy=No
##$PVM_EncUseMultiRec=No
##$PVM_EncActReceivers=( 1 )
On
##$PVM_EncZf=( 2 )
1 1
##$PVM_EncPft=( 2 )
1 1.0416666667000001
##$PVM_EncPftOverscans=( 2 )
80 46
##$PVM_EncPpi=( 2 )
1 1
##$PVM_EncPpiRefLines=( 2 )
0 0
##$PVM_EncPpiGopRefLines=( 3 )
32 24 24
##$PVM_EncOrder=( 2 )
LINEAR_ENC RARE_ENC
##$PVM_EncStart=( 2 )
0 -1
##$PVM_EncNReceivers=1
##$PVM_EncAvailReceivers=6
##$PVM_EncChanScaling=( 1 )
0.98632200000000003
##$PVM_EncChanPhase=( 1 )
295.67169999999999
##$PVM_EncMatrix=( 2 )
160 96
##$PVM_EncTotalAccel=1.0416666666666667
##$PVM_EncSteps0=( 1 )
0
##$PVM_EncSteps1=( 96 )
23 18 13 8 3 -2 -7 -12 -17 -22 -27 -32 -37 -42 -46 44 24 19 14 9 4 -1 -6 -11 
-16 -21 -26 -31 -36 -41 -45 45 25 20 15 10 5 0 -5 -10 -15 -20 -25 -30 -35 -40 
-44 46 26 21 16 11 6 1 -4 -9 -14 -19 -24 -29 -34 -39 -43 47 27 22 17 12 7 2 
-3 -8 -13 -18 -23 -28 -33 -38 42 48 28 29 30 31 32 33 34 35 36 37 38 39 40 41 
43 49
##$PVM_EncSteps2=( 135 )
-67 -66 -65 -64 -63 -62 -61 -60 -59 -58 -57 -56 -55 -54 -53 -52 -51 -50 -49 
-48 -47 -46 -45 -44 -43 -42 -41 -40 -39 -38 -37 -36 -35 -34 -33 -32 -31 -30 
-29 -28 -27 -26 -25 -24 -23 -22 -21 -20 -19 -18 -17 -16 -15 -14 -13 -12 -11 
-10 -9 -8 -7 -6 -5 -4 -3 -2 -1 0 1 2 3 4 5 6 7 8 9 10 11 12 13 14 15 16 17 18 
19 20 21 22 23 24 25 26 27 28 29 30 31 32 33 34 35 36 37 38 39 40 41 42 43 44 
45 46 47 48 49 50 51 52 53 54 55 56 57 58 59 60 61 62 63 64 65 66 67
##$PVM_EncCentralStep1=6
##$PVM_EncCentralStep2=1
##$PVM_EncValues1=( 96 )
0.46000000000000002 0.35999999999999999 0.26000000000000001 0.16 
0.059999999999999998 -0.040000000000000001 -0.14000000000000001 
-0.23999999999999999 -0.34000000000000002 -0.44 -0.54000000000000004 
-0.64000000000000001 -0.73999999999999999 -0.83999999999999997 
-0.92000000000000004 0.88 0.47999999999999998 0.38 0.28000000000000003 
0.17999999999999999 0.080000000000000002 -0.02 -0.12 -0.22 
-0.32000000000000001 -0.41999999999999998 -0.52000000000000002 -0.62 
-0.71999999999999997 -0.81999999999999995 -0.90000000000000002 
0.90000000000000002 0.5 0.40000000000000002 0.29999999999999999 
0.20000000000000001 0.10000000000000001 0 -0.10000000000000001 
-0.20000000000000001 -0.29999999999999999 -0.40000000000000002 -0.5 
-0.59999999999999998 -0.69999999999999996 -0.80000000000000004 -0.88 
0.92000000000000004 0.52000000000000002 0.41999999999999998 
0.32000000000000001 0.22 0.12 0.02 -0.080000000000000002 -0.17999999999999999 
-0.28000000000000003 -0.38 -0.47999999999999998 -0.57999999999999996 
-0.68000000000000005 -0.78000000000000003 -0.85999999999999999 
0.93999999999999995 0.54000000000000004 0.44 0.34000000000000002 
0.23999999999999999 0.14000000000000001 0.040000000000000001 
-0.059999999999999998 -0.16 -0.26000000000000001 -0.35999999999999999 
-0.46000000000000002 -0.56000000000000005 -0.66000000000000003 
-0.76000000000000001 0.83999999999999997 0.95999999999999996 
0.56000000000000005 0.57999999999999996 0.59999999999999998 0.62 
0.64000000000000001 0.66000000000000003 0.68000000000000005 
0.69999999999999996 0.71999999999999997 0.73999999999999999 
0.76000000000000001 0.78000000000000003 0.80000000000000004 
0.81999999999999995 0.85999999999999999 0.97999999999999998
##$PVM_EncValues2=( 135 )
-0.99259259259259303 -0.97777777777777797 -0.96296296296296302 
-0.94814814814814796 -0.93333333333333302 -0.91851851851851896 
-0.90370370370370401 -0.88888888888888895 -0.874074074074074 
-0.85925925925925895 -0.844444444444444 -0.82962962962963005 
-0.81481481481481499 -0.80000000000000004 -0.78518518518518499 
-0.77037037037037004 -0.75555555555555598 -0.74074074074074103 
-0.72592592592592597 -0.71111111111111103 -0.69629629629629597 
-0.68148148148148102 -0.66666666666666696 -0.65185185185185202 
-0.63703703703703696 -0.62222222222222201 -0.60740740740740695 
-0.592592592592593 -0.57777777777777795 -0.562962962962963 
-0.54814814814814805 -0.53333333333333299 -0.51851851851851805 
-0.50370370370370399 -0.48888888888888898 -0.47407407407407398 
-0.45925925925925898 -0.44444444444444398 -0.42962962962963003 
-0.41481481481481502 -0.40000000000000002 -0.38518518518518502 
-0.37037037037037002 -0.35555555555555601 -0.34074074074074101 
-0.32592592592592601 -0.31111111111111101 -0.296296296296296 
-0.281481481481481 -0.266666666666667 -0.25185185185185199 
-0.23703703703703699 -0.22222222222222199 -0.20740740740740701 
-0.19259259259259301 -0.17777777777777801 -0.162962962962963 
-0.148148148148148 -0.133333333333333 -0.11851851851851899 
-0.10370370370370401 -0.088888888888888906 -0.074074074074074098 
-0.059259259259259303 -0.044444444444444398 -0.0296296296296296 
-0.0148148148148148 0 0.0148148148148148 0.0296296296296296 
0.044444444444444398 0.059259259259259303 0.074074074074074098 
0.088888888888888906 0.10370370370370401 0.11851851851851899 
0.133333333333333 0.148148148148148 0.162962962962963 0.17777777777777801 
0.19259259259259301 0.20740740740740701 0.22222222222222199 
0.23703703703703699 0.25185185185185199 0.266666666666667 0.281481481481481 
0.296296296296296 0.31111111111111101 0.32592592592592601 0.34074074074074101 
0.35555555555555601 0.37037037037037002 0.38518518518518502 
0.40000000000000002 0.41481481481481502 0.42962962962963003 
0.44444444444444398 0.45925925925925898 0.47407407407407398 
0.48888888888888898 0.50370370370370399 0.51851851851851805 
0.53333333333333299 0.54814814814814805 0.562962962962963 0.57777777777777795 
0.592592592592593 0.60740740740740695 0.62222222222222201 0.63703703703703696 
0.65185185185185202 0.66666666666666696 0.68148148148148102 
0.69629629629629597 0.71111111111111103 0.72592592592592597 
0.74074074074074103 0.75555555555555598 0.77037037037037004 
0.78518518518518499 0.80000000000000004 0.81481481481481499 
0.82962962962963005 0.844444444444444 0.85925925925925895 0.874074074074074 
0.88888888888888895 0.90370370370370401 0.91851851851851896 
0.93333333333333302 0.94814814814814796 0.96296296296296302 
0.97777777777777797 0.99259259259259303
##$PVM_EncGenSteps1=( 96 )
23 18 13 8 3 -2 -7 -12 -17 -22 -27 -32 -37 -42 -46 44 24 19 14 9 4 -1 -6 -11 
-16 -21 -26 -31 -36 -41 -45 45 25 20 15 10 5 0 -5 -10 -15 -20 -25 -30 -35 -40 
-44 46 26 21 16 11 6 1 -4 -9 -14 -19 -24 -29 -34 -39 -43 47 27 22 17 12 7 2 
-3 -8 -13 -18 -23 -28 -33 -38 42 48 28 29 30 31 32 33 34 35 36 37 38 39 40 41 
43 49
##$PVM_EncGenSteps2=( 96 )
@96*(0)
##$PVM_EncGenValues1=( 96 )
0.46000000000000002 0.35999999999999999 0.26000000000000001 0.16 
0.059999999999999998 -0.040000000000000001 -0.14000000000000001 
-0.23999999999999999 -0.34000000000000002 -0.44 -0.54000000000000004 
-0.64000000000000001 -0.73999999999999999 -0.83999999999999997 
-0.92000000000000004 0.88 0.47999999999999998 0.38 0.28000000000000003 
0.17999999999999999 0.080000000000000002 -0.02 -0.12 -0.22 
-0.32000000000000001 -0.41999999999999998 -0.52000000000000002 -0.62 
-0.71999999999999997 -0.81999999999999995 -0.90000000000000002 
0.90000000000000002 0.5 0.40000000000000002 0.29999999999999999 
0.20000000000000001 0.10000000000000001 0 -0.10000000000000001 
-0.20000000000000001 -0.29999999999999999 -0.40000000000000002 -0.5 
-0.59999999999999998 -0.69999999999999996 -0.80000000000000004 -0.88 
0.92000000000000004 0.52000000000000002 0.41999999999999998 
0.32000000000000001 0.22 0.12 0.02 -0.080000000000000002 -0.17999999999999999 
-0.28000000000000003 -0.38 -0.47999999999999998 -0.57999999999999996 
-0.68000000000000005 -0.78000000000000003 -0.85999999999999999 
0.93999999999999995 0.54000000000000004 0.44 0.34000000000000002 
0.23999999999999999 0.14000000000000001 0.040000000000000001 
-0.059999999999999998 -0.16 -0.26000000000000001 -0.35999999999999999 
-0.46000000000000002 -0.56000000000000005 -0.66000000000000003 
-0.76000000000000001 0.83999999999999997 0.95999999999999996 
0.56000000000000005 0.57999999999999996 0.59999999999999998 0.62 
0.64000000000000001 0.66000000000000003 0.68000000000000005 
0.69999999999999996 0.71999999999999997 0.73999999999999999 
0.76000000000000001 0.78000000000000003 0.80000000000000004 
0.81999999999999995 0.85999999999999999 0.97999999999999998
##$PVM_EncGenTotalSteps=96
##$PVM_EncGenLoopOuter=1
##$PVM_EffSWh=72463.768115942032
##$EncGradDur=0.64223076923076938
##$PVM_AcquisitionTime=2.2079999999999997
##$ReadDephDur=0.74623076923076925
##$PVM_MinEchoTime=5.5145334720317187
##$RepetitionSpoiler=(Yes, 4, 0.76500000000000001, 36.868222056766861)
##$EchoSpoilingAuto=Yes
##$EchoSpoilingSlice=1
##$EchoSpoilingSliceEff=1
##$EchoSpoilingRead=0.25
##$EchoSpoilingReadEff=0.25
##$SlabSel=Yes
##$PVM_Isotropic=Isotropic_None
##$PVM_Fov=( 2 )
16 10
##$PVM_FovCm=( 2 )
1.6000000000000001 1
##$PVM_SpatResol=( 2 )
0.10000000000000001 0.10000000000000001
##$PVM_SliceThick=0.5
##$PVM_ObjOrderScheme=Interlaced
##$PVM_ObjOrderList=( 18 )
0 2 4 6 8 10 12 14 16 1 3 5 7 9 11 13 15 17
##$PVM_NSPacks=1
##$PVM_SPackArrNSlices=( 1 )
18
##$PVM_MajSliceOri=No
##$PVM_SPackArrSliceOrient=( 1 )
axial
##$PVM_SPackArrReadOrient=( 1 )
L_R
##$PVM_SPackArrReadOffset=( 1 )
2.2199427477052467
##$PVM_SPackArrPhase1Offset=( 1 )
0.11682212853890395
##$PVM_SPackArrPhase2Offset=( 1 )
0
##$PVM_SPackArrSliceOffset=( 1 )
-1.0237476529656133
##$PVM_SPackArrSliceGapMode=( 1 )
contiguous
##$PVM_SPackArrSliceGap=( 1 )
0
##$PVM_SPackArrSliceDistance=( 1 )
0.5
##$PVM_SPackArrGradOrient=( 1, 3, 3 )
-0.99994717364965235 0 -0.010278614209752592 0 -1 0 -0.010278614209752592 0 
0.99994717364965235
##$PVM_SliceGeo=( 1 )
(((-0.99994717364965235 0 0.010278614209752592 0 1 0 -0.010278614209752592 0 
-0.99994717364965235, -2.2093027690589313 0.11682212853890395 
1.0465115071848305, 0 0 0), 16 10 9, <+R;read> <+P;phase> <+S;slice>, 0), 18, 
1, 256, 0.5, 0, No)
##$PVM_SliceGeoObj=(<BRUKER_SLICEPACKAGE>, GeoCuboidPackId, Standard_GobjShape,
 <PVM_SliceGeo>, <PVM_ObjOrderList>, 0, <R;read> <P;phase> <S;slice>, Yes, 
527896)
##$PVM_EffPhase0Offset=( 18 )
@18*(2.2199427477052489)
##$PVM_EffPhase1Offset=( 18 )
@18*(0.11682212853890395)
##$PVM_EffPhase2Offset=( 18 )
@18*(0)
##$PVM_EffSliceOffset=( 18 )
-5.2737476529656142 -4.7737476529656142 -4.2737476529656142 
-3.7737476529656142 -3.2737476529656142 -2.7737476529656142 
-2.2737476529656142 -1.7737476529656142 -1.2737476529656142 
-0.77374765296561421 -0.27374765296561421 0.22625234703438579 
0.72625234703438579 1.2262523470343858 1.7262523470343858 2.2262523470343858 
2.7262523470343858 3.2262523470343858
##$PVM_EffReadOffset=( 18 )
@18*(2.2199427477052489)
##$PVM_Phase0Offset=( 18 )
@18*(2.2199427477052489)
##$PVM_Phase1Offset=( 18 )
@18*(0.11682212853890395)
##$PVM_Phase2Offset=( 18 )
@18*(0)
##$PVM_SliceOffset=( 18 )
-5.2737476529656142 -4.7737476529656142 -4.2737476529656142 
-3.7737476529656142 -3.2737476529656142 -2.7737476529656142 
-2.2737476529656142 -1.7737476529656142 -1.2737476529656142 
-0.77374765296561421 -0.27374765296561421 0.22625234703438579 
0.72625234703438579 1.2262523470343858 1.7262523470343858 2.2262523470343858 
2.7262523470343858 3.2262523470343858
##$PVM_ReadOffset=( 18 )
@18*(2.2199427477052489)
##$PVM_DummyScans=0
##$PVM_DummyScansDur=0
##$PVM_TriggerModule=Off
##$PVM_TriggerMode=per_PhaseStep
##$PVM_TriggerDelay=1
##$PVM_TriggerDur=0.01
##$PVM_TriggerModuleTime=0
##$PVM_EvolutionOnOff=Off
##$PVM_NEvolutionCycles=2
##$PVM_EvolutionCycles=1
##$PVM_EvolutionMode=Constant_Delay
##$PVM_EvolutionTime=( 2 )
1 0
##$PVM_EvolutionDelay=1
##$PVM_EvolutionModuleTime=0
##$PVM_SelIrOnOff=Off
##$PVM_BlBloodOnOff=Off
##$PVM_FatSupOnOff=On
##$PVM_FatSupPulEnum=<gauss512>
##$PVM_FatSupPul=(1.9571428571428569, 1400, 90, No, 4, 2740, 
0.41506880000000002, 0.29535713748727183, 0, 50, 2.3431963783323764, 
<gauss512.exc>)
##$PVM_FatSupPulAmpl=(2.3431963783323764, 10.824038937319969, 
-3.6980868742419104)
##$PVM_FatSupBandWidth=1400
##$PVM_FatSupSpoil=(Yes, 3, 0.45899999999999996, 46.085277570958581)
##$PVM_FatSupModuleTime=2.5891428571428565
##$PVM_FatSupPerform=Yes
##$PVM_FatSupRampTime=0.153
##$PVM_FatSupGradWait=0.01
##$PVM_FatSupFL=( 1 )
-1401.0708604060792
##$PVM_FatSupRfLength=1957.1428571428569
##$PVM_FatSupSpoilDur=0.45899999999999996
##$PVM_FatSupSpoilAmp=46.085277570958581
##$PVM_FwsOnOff=Off
##$PVM_FwsChemShift=3.5
##$PVM_FwsAngle=140
##$PVM_FwsEchoShift=0
##$PVM_FwsLoop=1
##$PVM_SatTransOnOff=Off
##$PVM_SatTransType=MTC
##$PVM_SatTransPulse=(1.8266666666666667, 1500, 117.09999999999999, No, 3, 
2740, 0.4181723, 0.29872376467597078, 0, 50, 4.4863542307446265, <gauss.exc>)
##$PVM_SatTransPulseEnum=<gauss>
##$PVM_SatTransPulseAmpl_uT=10.001764446036766
##$PVM_SatTransFreqInput=by_value
##$PVM_SatTransFreqUnit=unit_hz
##$PVM_SatTransFreqValues=( 1 )
1500
##$PVM_SatTransFreqRanges=( 1, 3 )
0 0 0
##$PVM_SatTransInterPulseDelay=0.01
##$PVM_SatTransNPulses=1
##$PVM_SatTransSpoil=(Yes, 5, 2, 17.627618670891653)
##$PVM_SatTransModuleTime=0
##$PVM_SatTransModuleMeanRFPower=612.06682453699966
##$PVM_SatTransPowerList=( 1 )
4.4863542307446265
##$PVM_SatTransRepetitions=1
##$PVM_SatTransRefScan=Off
##$PVM_SatTransFL=( 1 )
1500
##$PVM_StD0=9.9999999999999995e-07
##$PVM_StD1=9.9999999999999995e-07
##$PVM_StD2=9.9999999999999995e-07
##$PVM_StD3=9.9999999999999995e-07
##$PVM_StP0=10
##$PVM_FovSatOnOff=On
##$PVM_FovSatPulEnum=<Calculated>
##$PVM_FovSatPul=(1.2, 5000, 90, Yes, 4, 6000, 0.15558072029082534, 
0.13562335619905388, 0, 50, 44.362894348988959, <$PVM_FovSatPulShape>)
##$PVM_FovSatPulAmpl=(44.362894348988959, 47.09718375284713, 
-16.470198728871488)
##$PVM_FovSatNSlices=3
##$PVM_FovSatThick=( 3 )
9 5 5
##$PVM_FovSatOffset=( 3 )
9.2783498897794967 -7.9652600505762559 6.2209293620038819
##$PVM_FovSatSpoil=(Yes, 10, 0.80000000000000004, 8.8138093354458267)
##$PVM_FovSatSpoilDur=0.64700000000000002
##$PVM_FovSatSpoilAmp=8.8138093354458267
##$PVM_FovSatModuleTime=6.173
##$PVM_FovSatGrad=( 3, 3 )
0 -1.9586242967657397 0 0 0 -3.5255237341783312 0 0 -3.5255237341783312
##$PVM_FovSatRampTime=0.153
##$PVM_FovSatGradWait=0.01
##$PVM_FovSatSliceOri=( 3 )
coronal axial axial
##$PVM_FovSatSliceVec=( 3, 3 )
0 1 0 0 0 1 0 0 1
##$PVM_FovSatFL=( 3 )
5154.6388276552771 -7965.2600505762557 6220.9293620038816
##$PVM_FovSatRfLength=1200
##$PVM_FovSatGeoObj=(<BRUKER_FOVSAT>, GeoPlanarId, Standard_GobjShape, 
<PVM_FovSatGeoCub>, <>, 0, <D1;first> <D2;second> <S;slice>, Yes, 524384)
##$PVM_FovSatGeoCub=( 3 )
(((0 0 -1 1 0 0 0 -1 0, 0.077319145202638051 -9.2783498897794967 0, 0 0 0), 
58 58 9, <+D1;first> <+D2;second> <+S;slice>, 0), 1, 1, 1, 9, 2, No) (((1 0 0 
0 -1 0 0 0 -1, -2.6775500000000001 3.7593054771423309 7.9652600505762559, 0 0 
0), 58 58 5, <+D1;first> <+D2;second> <+S;slice>, 0), 1, 1, 1, 5, 0, No) (((1 
0 0 0 -1 0 0 0 -1, -2.2093027830123906 5.0806500000000003 -6.2209293620038819,
 0 0 0), 58 58 5, <+D1;first> <+D2;second> <+S;slice>, 0), 1, 1, 1, 5, 0, No)
##$PVM_InFlowSatOnOff=Off
##$PVM_InFlowSatNSlices=1
##$PVM_InFlowSatThick=( 1 )
4
##$PVM_InFlowSatMinThick=0.17627618670891654
##$PVM_InFlowSatSliceGap=1
##$PVM_FlowSatGeoObj=(<BRUKER_FLOWSAT>, GeoPlanarId, Standard_GobjShape, 
<PVM_FlowSatGeoCub>, <>, 0, <1;first> <2;second> <S;slice>, Yes, 553191)
##$PVM_FlowSatGeoCub=( 1 )
(((-1 0 0 0 1 0 0 0 -1, 0 0 -11, 0 0 0), 42 42 4, <+1;first> <+2;second> 
<+S;slice>, 0), 1, 1, 1, 4, 0, No)
##$PVM_FlowSatPulEnum=<Calculated>
##$PVM_FlowSatPul=(1.2, 5000, 90, Yes, 4, 6000, 0.15558072029082534, 
0.13562335619905388, 0, 50, 44.362894348988959, <$PVM_FlowSatPulShape>)
##$PVM_FlowSatPulAmpl=(44.362894348988959, 47.09718375284713, 
-16.470198728871488)
##$PVM_InFlowSatSpoil=(Yes, 5, 0.45899999999999996, 9.6010994939497039)
##$PVM_InFlowSatPos=up
##$PVM_InFlowSatModuleTime=0
##$PVM_InFlowSatFL=( 18 )
-2529.6845662070177 -1279.6845662070177 -29.68456620701776 1220.3154337929823 
2470.3154337929823 3720.3154337929823 4970.3154337929818 6220.3154337929818 
7470.3154337929818 -1904.6845662070177 -654.68456620701772 595.31543379298228 
1845.3154337929823 3095.3154337929823 4345.3154337929818 5595.3154337929818 
6845.3154337929818 8095.3154337929818
##$PVM_SfD0=0.00015300000000000001
##$PVM_SfD2=0.00045899999999999999
##$PVM_SfP0=1200
##$PVM_SfLp0=1
##$PVM_TaggingOnOff=Off
##$PVM_TaggingPulEnum=<bp>
##$PVM_TaggingPul=(0.20000000000000001, 6400, 90, No, 3, 1280, 1, 1, 0, 50, 
38.657514661327156, <bp.exc>)
##$PVM_TaggingPulAmpl=(38.657514661327156, 43.964482631623881, 
-15.872339292691638)
##$PVM_TaggingMode=SPAMM
##$PVM_TaggingDir=Tagging_grid
##$PVM_TaggingDistance=1
##$PVM_TaggingMinDistance=0.001
##$PVM_TaggingThick=0.20000000000000001
##$PVM_TaggingOffset1=0
##$PVM_TaggingOffset2=0
##$PVM_TaggingAngle=0
##$PVM_TaggingDelay=0.01
##$PVM_TaggingModuleTime=0
##$PVM_TaggingInterPulseDelay=0.89810474683566621
##$PVM_TaggingPulseNumber=5
##$PVM_TaggingPulseElement=0.040000000000000001
##$PVM_TaggingGradientStrength=5
##$PVM_TaggingGridDelay=0.01
##$PVM_TaggingFL=( 2 )
0 0
##$PVM_TaggingD0=1.0000000000000001e-05
##$PVM_TaggingD1=1.0000000000000001e-05
##$PVM_TaggingD2=0.00070510474683566614
##$PVM_TaggingD3=0.0005521047468356661
##$PVM_TaggingD4=0.00015300000000000001
##$PVM_TaggingP0=40
##$PVM_TaggingLp0=4
##$PVM_TaggingGradAmp1=5
##$PVM_TaggingGradAmp2=-0
##$PVM_TaggingGradAmp3=0
##$PVM_TaggingGradAmp4=5
##$PVM_TaggingSpoiler=(Yes, 1, 0.70510474683566615, 50)
##$PVM_DriftCompYesNo=No
##$PVM_DriftCompStore=No
##$PVM_DriftCompUpdateTime=6000
##$PVM_DriftCompNavOnOff=On
##$PVM_DriftCompModuleTime=0
##$PVM_DriftCompNavPoints=96
##$PVM_DriftCompNavPulse=(0.54800000000000004, 5000, 1, No, 3, 2740, 0.4181723,
 0.29872376467597078, 0, 50, 0.0036352749328241326, <gauss.exc>)
##$PVM_DriftCompNavPulseEnum=<gauss>
##$PVM_DriftCompNavSWh=10000
##$PVM_DriftCompNavSpoilYesNo=No
##$PVM_DriftCompNavSpoil=(Yes, 1, 1, 10)
##$PVM_DriftCompStickFreq=No
##$PVM_DriftCompNavD1=9.5999999999999996
##$PVM_DriftCompNavD2=0
##$PVM_DriftCompNavD3=0.044999999999999998
##$PVM_DriftCompNavD4=0.065000000000000002
##$PVM_DriftCompNavD5=0
##$PVM_DriftCompNavP0=1
##$PVM_MotionSupOnOff=On
##$PVM_FlipBackOnOff=On
##$PVM_MapShimReady=Yes
##$PVM_MapShimLocShim=No
##$PVM_MapShimStatus=( 128 )
<Mapshim ready.>
##$PVM_MapShimFailure=( 1, 21 )
<Mapshim is possible.>
##$PVM_MapShimCalcStat=( 256 )
<Not Calculated.>
##$PVM_DynamicShim=( 1, 10 )
0 0 0 0 0 0 0 0 0 0
##$PVM_MapShimNVolumes=1
##$PVM_MapShimVolShape=Cuboid
##$PVM_StudyB0Map=(</opt/nmrdata/neuro>, 
<20220628_140509_Moon_DMD_20220628_VGAT_2_57>, 8, 1, <>, <>, <>)
##$PVM_ReqShimEnum=Current_Shim
##$PVM_MapShimUseShims=AllShims
##$PVM_MapShimVolDerive=No
##$PVM_MapShimVolMargin=( 3 )
0 0 0
##$PVM_DynamicShimEnable=No
##$PVM_DynamicShimConstrainToFast=No
##$PVM_DynamicShimSliceMargin=1
##$PVM_DynamicShimEventDuration=30
##$PVM_AtsNpos=1
##$PVM_AtsOverlap=0
##$PVM_AtsShifts=( 1 )
0
##$PVM_AtsPositions=( 1 )
0
##$PVM_AtsCentralSetup=Yes
##$PVM_AtsScanPosition=0
##$PVM_AtsCentralEndPos=Yes
##$PVM_AtsCenterPos=0
##$PVM_AtsFov=8.9995245628468705
##$PVM_AtsResol=-0.49997358682482618
##$PVM_AtsMultiPosSupported=No
##$PVM_AutoRg=( 1 )
(<job0>, 101)
##$PVM_RampTime=0.11
##$PVM_RiseTime=0.153
##$PVM_DynamicShimRisetime=10
##$PVM_RgJob=<job0>
##$PVM_RgValue=101
$$ @vis= MethodFileGroup MethodClass Method MethManagGroup PVM_GeoObj
$$ @vis= PVM_StudyInstrumentPosition PVM_ExportHandler PVM_AtsBedPositionMode
$$ @vis= PVM_AtsChangeRefPos PVM_AtsRefPosTransferred PVM_EchoTime EffectiveTE
$$ @vis= PVM_RareFactor PVM_RepetitionTime PVM_NAverages PVM_NRepetitions
$$ @vis= PVM_NEchoImages PVM_ScanTimeStr PVM_DeriveGains RF_Pulses
$$ @vis= ExcPulse1Enum ExcPulse1 RefPulse1Enum RefPulse1 Nuclei
$$ @vis= PVM_GradCalConst PVM_Nucleus1Enum PVM_Nucleus1 PVM_RefPowMod1
$$ @vis= PVM_RefPowCh1 PVM_RefPowStat1 PVM_FrqRef PVM_FrqWorkOffset
$$ @vis= PVM_FrqWork PVM_FrqRefPpm PVM_FrqWorkOffsetPpm PVM_FrqWorkPpm
$$ @vis= PVM_NucleiPpmWork PVM_TxCoilScMode1 PVM_TxCoilAdjStat1
$$ @vis= PVM_TxCoilAmpScaling1 PVM_TxCoilPhaseOffset1 Encoding PVM_EncGenOpt
$$ @vis= PVM_EncGenEllipse PVM_MbEncAccelFactor PVM_MbEncBlipFactor
$$ @vis= PVM_EncGen3D PVM_EncGen4D PVM_EncGenPpi PVM_EncGenCaipirinha
$$ @vis= PVM_EncGenTCaipirinha PVM_EncVirtualCoils PVM_EncCS PVM_EncCSNumRef
$$ @vis= PVM_EncCSGradOpt PVM_EncCSEllipse PVM_EncPftAlgorithm PVM_IsEpiScan
$$ @vis= PVM_SpatDimEnum PVM_IsotropicFovRes PVM_Matrix PVM_MinMatrix
$$ @vis= PVM_MaxMatrix PVM_DefMatrix PVM_AntiAlias PVM_MaxAntiAlias
$$ @vis= PVM_EncSpectroscopy PVM_EncUseMultiRec PVM_EncActReceivers PVM_EncZf
$$ @vis= PVM_EncPft PVM_EncPftOverscans PVM_EncPpi PVM_EncOrder PVM_EncStart
$$ @vis= Encoding_Output PVM_EncNReceivers PVM_EncAvailReceivers
$$ @vis= PVM_EncChanScaling PVM_EncChanPhase PVM_EncMatrix PVM_EncTotalAccel
$$ @vis= PVM_EncSteps1 PVM_EncCentralStep1 PVM_EncValues1 PVM_EncGenSteps1
$$ @vis= PVM_EncGenSteps2 PVM_EncGenValues1 PVM_EncGenTotalSteps
$$ @vis= PVM_EncGenLoopOuter Sequence_Details PVM_EffSWh EncGradDur
$$ @vis= PVM_AcquisitionTime ReadDephDur PVM_MinEchoTime PVM_MinFov
$$ @vis= PVM_MinSliceThick RepetitionSpoiler EchoSpoilingAuto
$$ @vis= EchoSpoilingSlice EchoSpoilingSliceEff EchoSpoilingRead
$$ @vis= EchoSpoilingReadEff SlabSel ImageGeometry PVM_Isotropic PVM_Fov
$$ @vis= PVM_SpatResol PVM_SliceThick PVM_ObjOrderScheme PVM_ObjOrderList
$$ @vis= PVM_NSPacks PVM_SPackArrNSlices PVM_MajSliceOri
$$ @vis= PVM_SPackArrSliceOrient PVM_SPackArrReadOrient PVM_SPackArrReadOffset
$$ @vis= PVM_SPackArrPhase1Offset PVM_SPackArrSliceOffset
$$ @vis= PVM_SPackArrSliceGapMode PVM_SPackArrSliceGap
$$ @vis= PVM_SPackArrSliceDistance PVM_SliceGeo PVM_SliceGeoObj
$$ @vis= SliceOffsetPars Preparation DummyScans_Parameters PVM_DummyScans
$$ @vis= PVM_DummyScansDur PVM_TriggerModule PVM_EvolutionOnOff PVM_SelIrOnOff
$$ @vis= PVM_SelIrInvTime PVM_SelIrNSlabs PVM_SelIrSlabThick PVM_SelIrMinThick
$$ @vis= PVM_SelIrSlabOffset PVM_SelIrPulEnum PVM_SelIrPul PVM_SelIrPulAmpl
$$ @vis= PVM_SelIrSpoiler PVM_SelIrModuleTime PVM_SelIrOffsetHz PVM_SelIrGrad
$$ @vis= PVM_SelIrFL PVM_SelIrD0 PVM_SelIrD1 PVM_SelIrD2 PVM_SelIrD4
$$ @vis= PVM_SelIrP0 PVM_SelIrL0 PVM_BlBloodOnOff PVM_BlBloodInvTime
$$ @vis= PVM_BlBloodNSlabs PVM_BlBloodSlabThick PVM_BlBloodMinThick
$$ @vis= PVM_BlBloodSlabOffset PVM_BlBloodPulEnum PVM_BlBloodPul
$$ @vis= PVM_BlBloodPulAmpl PVM_BlBloodSpoiler PVM_BlBloodModuleTime
$$ @vis= PVM_BlBloodOffsetHz PVM_BlBloodGrad PVM_BlBloodFL PVM_BlbD0 PVM_BlbD1
$$ @vis= PVM_BlbD2 PVM_BlbP0 PVM_FatSupOnOff Fat_Sup_Parameters
$$ @vis= PVM_FatSupPulEnum PVM_FatSupPul PVM_FatSupBandWidth PVM_FatSupSpoil
$$ @vis= PVM_FatSupModuleTime PVM_FatSupPerform PVM_FatSupRampTime
$$ @vis= PVM_FatSupGradWait PVM_FatSupFL PVM_FatSupRfLength PVM_FatSupSpoilDur
$$ @vis= PVM_FatSupSpoilAmp Fws_Parameters PVM_FwsOnOff PVM_FwsLoop
$$ @vis= PVM_SatTransOnOff PVM_FovSatOnOff Fov_Sat_Parameters
$$ @vis= PVM_FovSatPulEnum PVM_FovSatPul PVM_FovSatNSlices PVM_FovSatThick
$$ @vis= PVM_FovSatOffset PVM_FovSatSpoil PVM_FovSatSpoilDur
$$ @vis= PVM_FovSatSpoilAmp PVM_FovSatModuleTime PVM_FovSatGrad
$$ @vis= PVM_FovSatRampTime PVM_FovSatGradWait PVM_FovSatSliceOri
$$ @vis= PVM_FovSatSliceVec PVM_FovSatFL PVM_FovSatRfLength PVM_FovSatGeoObj
$$ @vis= PVM_FovSatGeoCub PVM_InFlowSatOnOff PVM_TaggingOnOff
$$ @vis= DriftComp_Parameters PVM_DriftCompYesNo PVM_DriftCompNavOnOff
$$ @vis= PVM_DriftCompNavD1 PVM_DriftCompNavD2 PVM_DriftCompNavD3
$$ @vis= PVM_DriftCompNavD4 PVM_DriftCompNavD5 PVM_DriftCompNavP0
$$ @vis= PVM_MotionSupOnOff PVM_FlipBackOnOff MapShim PVM_MapShimReady
$$ @vis= PVM_MapShimStatus PVM_MapShimFailure PVM_DynamicShim
$$ @vis= PVM_MapShimNVolumes PVM_StudyB0Map PVM_ReqShimEnum
$$ @vis= PVM_DynamicShimConstrainToFast MethodAtsGroup PVM_AtsScanPosition
$$ @vis= PVM_AtsCenterPos PVM_AtsMultiPosFov PVM_AtsMultiPosSupported
$$ @vis= PVM_AutoRg PVM_RampTime PVM_RiseTime PVM_DynamicShimRisetime RgGroup
$$ @vis= PVM_RgJob PVM_RgValue
##END=
$$ File finished by PARX at 2026-03-13 15:31:00.463 +0900
