##TITLE=Parameter List, ParaVision 360 V3.6
##JCAMPDX=4.24
##DATATYPE=Parameter Values
##ORIGIN=Bruker BioSpin GmbH & Co. KG
##OWNER=neuro
$$ Write Options: Symbolic Enums, RLE encoded arrays, symbol visibility
$$ 2026-03-13 14:47:00.480 +0900  neuro@czc4217pzz
$$ /opt/PV-360.3.6/data/neuro/20260313_135901_Kostya_260413_fiber_placement_engrams_1_13/9/pdata/1/visu_pars
$$ process /opt/PV-360.3.6/prog/bin/parxserver
##$VisuVersion=8
##$VisuUid=( 65 )
<2.16.756.5.5.200.8323328.528993.1773380506.812>
##$VisuCreator=( 65 )
<ParaVision>
##$VisuCreatorVersion=( 195 )
<360.3.6>
##$VisuCreationDate=<2026-03-13T14:47:00,426+0900>
##$VisuInstanceType=STANDARD_INSTANCE
##$VisuInstanceModality=( 65 )
<MR>
##$VisuInstanceDeIdentified=No
##$VisuCoreFrameCount=18
##$VisuCoreDim=2
##$VisuCoreSize=( 2 )
80 40
##$VisuCoreDimDesc=( 2 )
spatial spatial
##$VisuCoreExtent=( 2 )
16 10
##$VisuCoreFrameThickness=( 1 )
0.5
##$VisuCoreUnits=( 2, 65 )
<mm> <mm>
##$VisuCoreOrientation=( 18, 9 )
-0.99997426340455287 0 -0.0071744357633237669 0 -1 0 -0.0071744357633237669 0 
0.99997426340455287 -0.99997426340455287 0 -0.0071744357633237669 0 -1 0 
-0.0071744357633237669 0 0.99997426340455287 -0.99997426340455287 0 
-0.0071744357633237669 0 -1 0 -0.0071744357633237669 0 0.99997426340455287 
-0.99997426340455287 0 -0.0071744357633237669 0 -1 0 -0.0071744357633237669 0 
0.99997426340455287 -0.99997426340455287 0 -0.0071744357633237669 0 -1 0 
-0.0071744357633237669 0 0.99997426340455287 -0.99997426340455287 0 
-0.0071744357633237669 0 -1 0 -0.0071744357633237669 0 0.99997426340455287 
-0.99997426340455287 0 -0.0071744357633237669 0 -1 0 -0.0071744357633237669 0 
0.99997426340455287 -0.99997426340455287 0 -0.0071744357633237669 0 -1 0 
-0.0071744357633237669 0 0.99997426340455287 -0.99997426340455287 0 
-0.0071744357633237669 0 -1 0 -0.0071744357633237669 0 0.99997426340455287 
-0.99997426340455287 0 -0.0071744357633237669 0 -1 0 -0.0071744357633237669 0 
0.99997426340455287 -0.99997426340455287 0 -0.0071744357633237669 0 -1 0 
-0.0071744357633237669 0 0.99997426340455287 -0.99997426340455287 0 
-0.0071744357633237669 0 -1 0 -0.0071744357633237669 0 0.99997426340455287 
-0.99997426340455287 0 -0.0071744357633237669 0 -1 0 -0.0071744357633237669 0 
0.99997426340455287 -0.99997426340455287 0 -0.0071744357633237669 0 -1 0 
-0.0071744357633237669 0 0.99997426340455287 -0.99997426340455287 0 
-0.0071744357633237669 0 -1 0 -0.0071744357633237669 0 0.99997426340455287 
-0.99997426340455287 0 -0.0071744357633237669 0 -1 0 -0.0071744357633237669 0 
0.99997426340455287 -0.99997426340455287 0 -0.0071744357633237669 0 -1 0 
-0.0071744357633237669 0 0.99997426340455287 -0.99997426340455287 0 
-0.0071744357633237669 0 -1 0 -0.0071744357633237669 0 0.99997426340455287
##$VisuCorePosition=( 18, 3 )
9.4256346544684746 5.1168221223593005 -5.1170631624490639 9.4220474365868121 
5.1168221223593005 -4.6170760307467873 9.4184602187051496 5.1168221223593005 
-4.1170888990445116 9.4148730008234889 5.1168221223593005 -3.617101767342235 
9.4112857829418264 5.1168221223593005 -3.1171146356399584 9.4076985650601639 
5.1168221223593005 -2.6171275039376818 9.4041113471785032 5.1168221223593005 
-2.1171403722354052 9.4005241292968407 5.1168221223593005 -1.617153240533129 
9.3969369114151782 5.1168221223593005 -1.1171661088308527 9.3933496935335175 
5.1168221223593005 -0.61717897712857617 9.389762475651855 5.1168221223593005 
-0.11719184542629972 9.3861752577701925 5.1168221223593005 
0.38279528627597664 9.3825880398885317 5.1168221223593005 0.88278241797825308 
9.3790008220068692 5.1168221223593005 1.3827695496805295 9.3754136041252067 
5.1168221223593005 1.8827566813828061 9.371826386243546 5.1168221223593005 
2.3827438130850824 9.3682391683618835 5.1168221223593005 2.882730944787359 
9.364651950480221 5.1168221223593005 3.3827180764896347
##$VisuCoreModalityOffset=( 1, 3 )
0 0 0
##$VisuCoreAtsCenterDistance=0
##$VisuCoreDataMin=( 18 )
0.34165730739757233 3.9660634916472826 9.394299081118616 3.368297275201773 
9.5671999707986597 8.3103778567324067 10.582366532505755 1.4251220477303734 
2.1721950453271797 1.0086733681708546 7.8934310912720491 6.7298693340498446 
4.7102065838333793 5.2070272655761878 5.461221623562392 4.4931931826345055 
5.8007350337234413 5.4206086609957387
##$VisuCoreDataMax=( 18 )
2584.6106474580392 5085.5648549704738 6941.4099330738081 7025.303802622122 
7645.4229256669978 8182.1657598292213 8191.6250000000009 7411.2834463240861 
7024.1747779593461 7047.6426476230308 7688.50260339741 7193.9777312554907 
6701.1518459181043 6832.2713274533326 7317.7608506350971 7097.0655028939054 
6306.6528824234756 3589.5011085798415
##$VisuCoreDataOffs=( 18 )
@18*(0)
##$VisuCoreDataSlope=( 18 )
@18*(30.546305626512542)
##$VisuCoreFrameType=( 1 )
MAGNITUDE_IMAGE
##$VisuCoreSlicePacksDef=(0, 1)
##$VisuCoreSlicePacksSlices=( 1 )
(0, 18)
##$VisuCoreSlicePacksSliceDist=( 1 )
0.5
##$VisuCoreWordType=_16BIT_SGN_INT
##$VisuCoreByteOrder=littleEndian
##$VisuFGOrderDescDim=1
##$VisuFGOrderDesc=( 1 )
(18, <FG_SLICE>, <>, 0, 2)
##$VisuGroupDepVals=( 2 )
(<VisuCoreOrientation>, 0) (<VisuCorePosition>, 0)
##$VisuSubjectName=( 65 )
<Kostya^^^^>
##$VisuSubjectId=( 65 )
<Kostya>
##$VisuSubjectUid=( 65 )
<2.16.756.5.5.200.8323328.2247006.1760352368.13>
##$VisuSubjectInstanceCreationDate=(1760352368, 436, 540)
##$VisuSubjectBirthDate=( 9 )
<20251013>
##$VisuSubjectSex=UNKNOWN
##$VisuSubjectType=Quadruped
##$VisuStudyUid=( 65 )
<2.16.756.5.5.200.8323328.528993.1773377941.13>
##$VisuStudyDate=<2026-03-13T13:59:01,618+0900>
##$VisuStudyId=( 65 )
<260413_fiber_placement_engrams>
##$VisuStudyNumber=13
##$VisuSubjectWeight=0.001
##$VisuStudyReferringPhysician=( 65 )
<neuro>
##$VisuExperimentNumber=9
##$VisuProcessingNumber=1
##$VisuSeriesDate=<2026-03-13T14:47:00,426+0900>
##$VisuSubjectPosition=Head_Prone
##$VisuSeriesTypeId=( 65 )
<ACQ_USER_PVM>
##$VisuSeriesCreationId=VCMN_ACQUISITION
##$VisuSeriesExperimentComment=( 65 )
<EPI_trig_TE6p5>
##$VisuSeriesFrameOfReferenceUid=( 65 )
<2.16.756.5.5.200.8323328.528993.1773377941.13>
##$VisuManufacturer=( 65 )
<Bruker BioSpin GmbH & Co. KG>
##$VisuAcqSoftwareVersion=( 65 )
<PV-360.3.6>
##$VisuInstitution=( 65 )
<RESEARCH & BUSINESS FOUDATION OF SK Suwon-si>
##$VisuStation=( 65 )
<BAP94/31>
##$VisuSystemOrderNumber=( 65 )
<5084095>
##$VisuAcqDate=<2026-03-13T14:46:37,895+0900>
##$VisuAcqSequenceName=( 40 )
<User:epi_TriggerV2>
##$VisuAcquisitionProtocol=( 65 )
<EPI_trig_TE6p5>
##$VisuAcqScanTime=1000
##$VisuAcqFrameNumbers=( 18 )
0 9 1 10 2 11 3 12 4 13 5 14 6 15 7 16 8 17
##$VisuCardiacSynchUsed=No
##$VisuRespSynchUsed=No
##$VisuAcqNumberOfAverages=1
##$VisuAcqRepetitionTime=( 1 )
1000
##$VisuCoilReceiveName=( 65 )
<RF SUC 400 1H LNA AV3>
##$VisuCoilReceiveManufacturer=( 65 )
<BMRIDE>
##$VisuCoilReceiveType=SURFACE_COIL
##$VisuCoilReceiveIsQuadrature=No
##$VisuCoilTransmitName=( 65 )
<RF RES 400 1H 112/086 QSN TO AD>
##$VisuCoilTransmitManufacturer=( 65 )
<BMRIDE>
##$VisuCoilTransmitType=MULTICOIL
##$VisuCoilTransmitIsQuadrature=Yes
##$VisuCoilTransmitMultiName=( 2 )
(<Element 1>, Yes) (<Element 2>, Yes)
##$VisuAcqEchoTrainLength=30
##$VisuAcqImagingFrequency=400.30775633382069
##$VisuAcqImagedNucleus=( 8 )
<1H>
##$VisuAcqPixelBandwidth=4032.2580645161288
##$VisuAcqFlipAngle=65
##$VisuMrAcqFlipAngleVariable=No
##$VisuAcqSize=( 2 )
80 30
##$VisuAcqImageSizeAccellerated=Yes
##$VisuAcqGradEncoding=( 2 )
read_enc phase_enc
##$VisuAcqEchoTime=( 1 )
6.535400000000001
##$VisuAcqAntiAlias=( 2 )
1 1
##$VisuAcqEchoSequenceType=GradientEcho
##$VisuAcqSpinsVelocityEncoded=No
##$VisuAcqHasTimeOfFlightContrast=No
##$VisuAcqIsEpiSequence=Yes
##$VisuAcqSpectralSuppression=FatSuppression
##$VisuAcqKSpaceTraversal=RectilinearTraversal
##$VisuAcqEncodingOrder=( 2 )
LinearEncoding LinearEncoding
##$VisuAcqKSpaceTrajectoryCnt=0
##$VisuAcqKSpaceFiltering=( 2 )
DICOM_NONE DICOM_NONE
##$VisuAcqFlowCompensation=FlowNone
##$VisuAcqSpoiling=GradientSpoiled
##$VisuAcqSaturation=( 3 )
(FovSaturation, 9, -0 -1 0, -0 -9.2783498897794967 0) (FovSaturation, 5, -0 
-0 1, 0 0 -7.9652600505762559) (FovSaturation, 5, -0 -0 1, -0 -0 
6.2209293620038819)
##$VisuAcqPartialFourier=( 2 )
1 1.3333333332999999
##$VisuAcqParallelReductionFactor=( 2 )
1 1
##$VisuAcqMagnetizationTransfer=No
##$VisuAcqBloodSignalNulling=No
##$VisuMagneticFieldStrength=9.402192698558359
##$VisuMrMultiSpinEcho=No
##$VisuMrMultiPlanar=No
##$VisuMrSteadyStatePulse=MR_ST_TRANSVERSE
##$VisuMrSegmentedKSpaceTraversal=MR_SKST_FULL
##$VisuMrCoverageOfKSpace=MR_CKS_FULL
##$VisuMrPercentSampling=75
$$ @vis= Visu VisuInstance VisuVersion VisuUid VisuCreator VisuCreatorVersion
$$ @vis= VisuCreationDate VisuInstanceType VisuInstanceModality
$$ @vis= VisuInstanceDeIdentified VisuCore VisuCoreFrameCount VisuCoreDim
$$ @vis= VisuCoreSize VisuCoreDimDesc VisuCoreExtent VisuCoreFrameThickness
$$ @vis= VisuCoreUnits VisuCoreOrientation VisuCorePosition
$$ @vis= VisuCoreModalityOffset VisuCoreAtsCenterDistance VisuCoreDataMin
$$ @vis= VisuCoreDataMax VisuCoreDataOffs VisuCoreDataSlope VisuCoreFrameType
$$ @vis= VisuCoreSlicePacksDef VisuCoreSlicePacksSlices
$$ @vis= VisuCoreSlicePacksSliceDist VisuPixel VisuCoreWordType
$$ @vis= VisuCoreByteOrder VisuFrameOrderDesc VisuFGOrderDescDim
$$ @vis= VisuFGOrderDesc VisuGroupDepVals VisuSubject VisuSubjectName
$$ @vis= VisuSubjectId VisuSubjectUid VisuSubjectInstanceCreationDate
$$ @vis= VisuSubjectBirthDate VisuSubjectSex VisuSubjectType VisuStudy
$$ @vis= VisuStudyUid VisuStudyDate VisuStudyId VisuStudyNumber
$$ @vis= VisuSubjectWeight VisuStudyReferringPhysician VisuSeries
$$ @vis= VisuExperimentNumber VisuProcessingNumber VisuSeriesDate
$$ @vis= VisuSubjectPosition VisuSeriesTypeId VisuSeriesCreationId
$$ @vis= VisuSeriesExperimentComment VisuSeriesFrameOfReferenceUid
$$ @vis= VisuContrastAgent VisuEquipment VisuManufacturer
$$ @vis= VisuAcqSoftwareVersion VisuInstitution VisuStation
$$ @vis= VisuSystemOrderNumber VisuAcq VisuAcqDate VisuAcqSequenceName
$$ @vis= VisuAcquisitionProtocol VisuAcqScanTime VisuAcqFrameNumbers
$$ @vis= VisuCardiacSynchUsed VisuRespSynchUsed VisuAcqNumberOfAverages
$$ @vis= VisuMxi VisuAcqRepetitionTime VisuCoilReceive VisuCoilReceiveName
$$ @vis= VisuCoilReceiveManufacturer VisuCoilReceiveType
$$ @vis= VisuCoilReceiveIsQuadrature VisuCoilTransmit VisuCoilTransmitName
$$ @vis= VisuCoilTransmitManufacturer VisuCoilTransmitType
$$ @vis= VisuCoilTransmitIsQuadrature VisuCoilTransmitMultiName VisuMri
$$ @vis= VisuAcqEchoTrainLength VisuAcqImagingFrequency VisuAcqImagedNucleus
$$ @vis= VisuAcqPixelBandwidth VisuAcqFlipAngle VisuMrAcqFlipAngleVariable
$$ @vis= VisuAcqSize VisuAcqImageSizeAccellerated VisuAcqGradEncoding
$$ @vis= VisuAcqEchoTime VisuAcqAntiAlias VisuAcqEchoSequenceType
$$ @vis= VisuAcqSpinsVelocityEncoded VisuAcqHasTimeOfFlightContrast
$$ @vis= VisuAcqIsEpiSequence VisuAcqSpectralSuppression
$$ @vis= VisuAcqKSpaceTraversal VisuAcqEncodingOrder
$$ @vis= VisuAcqKSpaceTrajectoryCnt VisuAcqKSpaceFiltering
$$ @vis= VisuAcqFlowCompensation VisuAcqSpoiling VisuAcqSaturation
$$ @vis= VisuAcqPartialFourier VisuAcqParallelReductionFactor
$$ @vis= VisuAcqMagnetizationTransfer VisuAcqBloodSignalNulling
$$ @vis= VisuMagneticFieldStrength VisuMrMultiSpinEcho VisuMrMultiPlanar
$$ @vis= VisuMrSteadyStatePulse VisuMrSegmentedKSpaceTraversal
$$ @vis= VisuMrCoverageOfKSpace VisuMrPercentSampling VisuMrs
##END=
$$ File finished by PARX at 2026-03-13 14:47:00.481 +0900
