##TITLE=Parameter List, ParaVision 360 V3.6
##JCAMPDX=4.24
##DATATYPE=Parameter Values
##ORIGIN=Bruker BioSpin GmbH & Co. KG
##OWNER=neuro
$$ Write Options: Symbolic Enums, RLE encoded arrays, symbol visibility
$$ 2026-03-13 14:27:24.218 +0900  neuro@czc4217pzz
$$ /opt/PV-360.3.6/data/neuro/20260313_135901_Kostya_260413_fiber_placement_engrams_1_13/6/pdata/1/visu_pars
$$ process /opt/PV-360.3.6/prog/bin/parxserver
##$VisuVersion=8
##$VisuUid=( 65 )
<2.16.756.5.5.200.8323328.528993.1773379272.569>
##$VisuCreator=( 65 )
<ParaVision>
##$VisuCreatorVersion=( 195 )
<360.3.6>
##$VisuCreationDate=<2026-03-13T14:27:24,162+0900>
##$VisuInstanceType=STANDARD_INSTANCE
##$VisuInstanceModality=( 65 )
<MR>
##$VisuInstanceDeIdentified=No
##$VisuCoreFrameCount=18
##$VisuCoreDim=2
##$VisuCoreSize=( 2 )
256 128
##$VisuCoreDimDesc=( 2 )
spatial spatial
##$VisuCoreExtent=( 2 )
16 10
##$VisuCoreFrameThickness=( 1 )
0.5
##$VisuCoreUnits=( 2, 65 )
<mm> <mm>
##$VisuCoreOrientation=( 18, 9 )
-0.99997426340455287 0 -0.0071744357633237669 0 -1 0 -0.0071744357633237669 0 
0.99997426340455287 -0.99997426340455287 0 -0.0071744357633237669 0 -1 0 
-0.0071744357633237669 0 0.99997426340455287 -0.99997426340455287 0 
-0.0071744357633237669 0 -1 0 -0.0071744357633237669 0 0.99997426340455287 
-0.99997426340455287 0 -0.0071744357633237669 0 -1 0 -0.0071744357633237669 0 
0.99997426340455287 -0.99997426340455287 0 -0.0071744357633237669 0 -1 0 
-0.0071744357633237669 0 0.99997426340455287 -0.99997426340455287 0 
-0.0071744357633237669 0 -1 0 -0.0071744357633237669 0 0.99997426340455287 
-0.99997426340455287 0 -0.0071744357633237669 0 -1 0 -0.0071744357633237669 0 
0.99997426340455287 -0.99997426340455287 0 -0.0071744357633237669 0 -1 0 
-0.0071744357633237669 0 0.99997426340455287 -0.99997426340455287 0 
-0.0071744357633237669 0 -1 0 -0.0071744357633237669 0 0.99997426340455287 
-0.99997426340455287 0 -0.0071744357633237669 0 -1 0 -0.0071744357633237669 0 
0.99997426340455287 -0.99997426340455287 0 -0.0071744357633237669 0 -1 0 
-0.0071744357633237669 0 0.99997426340455287 -0.99997426340455287 0 
-0.0071744357633237669 0 -1 0 -0.0071744357633237669 0 0.99997426340455287 
-0.99997426340455287 0 -0.0071744357633237669 0 -1 0 -0.0071744357633237669 0 
0.99997426340455287 -0.99997426340455287 0 -0.0071744357633237669 0 -1 0 
-0.0071744357633237669 0 0.99997426340455287 -0.99997426340455287 0 
-0.0071744357633237669 0 -1 0 -0.0071744357633237669 0 0.99997426340455287 
-0.99997426340455287 0 -0.0071744357633237669 0 -1 0 -0.0071744357633237669 0 
0.99997426340455287 -0.99997426340455287 0 -0.0071744357633237669 0 -1 0 
-0.0071744357633237669 0 0.99997426340455287 -0.99997426340455287 0 
-0.0071744357633237669 0 -1 0 -0.0071744357633237669 0 0.99997426340455287
##$VisuCorePosition=( 18, 3 )
9.4256346544684728 5.1168221285389039 -5.1754741626532548 9.4220474365868103 
5.1168221285389039 -4.6754870309509782 9.4184602187051496 5.1168221285389039 
-4.1754998992487025 9.4148730008234871 5.1168221285389039 -3.6755127675464259 
9.4112857829418246 5.1168221285389039 -3.1755256358441493 9.4076985650601639 
5.1168221285389039 -2.6755385041418727 9.4041113471785014 5.1168221285389039 
-2.1755513724395965 9.4005241292968407 5.1168221285389039 -1.6755642407373199 
9.3969369114151782 5.1168221285389039 -1.1755771090350435 9.3933496935335157 
5.1168221285389039 -0.67558997733276716 9.3897624756518532 5.1168221285389039 
-0.17560284563049072 9.3861752577701925 5.1168221285389039 
0.32438428607178565 9.38258803988853 5.1168221285389039 0.82437141777406209 
9.3790008220068692 5.1168221285389039 1.3243585494763384 9.3754136041252067 
5.1168221285389039 1.824345681178615 9.3718263862435442 5.1168221285389039 
2.3243328128808916 9.3682391683618835 5.1168221285389039 2.8243199445831677 
9.364651950480221 5.1168221285389039 3.3243070762854439
##$VisuCoreModalityOffset=( 1, 3 )
0 0 0
##$VisuCoreAtsCenterDistance=0
##$VisuCoreDataMin=( 18 )
4.5113927772361819 1.3427937139734589 5.912521669637206 5.8079836635727853 
7.5706739148394906 4.9395799972445511 3.6765586583935668 3.6699752145180904 
3.7526350883626942 3.101438288661984 7.3490347589618326 3.6786540734894468 
4.4340643359594267 2.9212002812990931 5.6333059633527061 7.129833330314006 
6.286998359904473 9.4635085671430197
##$VisuCoreDataMax=( 18 )
7290.8212965982921 19677.910828910659 25479.261238985571 27122.77034523277 
28382.984767267764 31671.760760457004 31035.065807498064 32766.5 
29096.851054072751 29309.13918729447 31243.32254706182 28921.403217373823 
24281.386843314758 25700.508895482693 23742.152223676538 22556.803836806568 
20183.396007479812 11563.414749156764
##$VisuCoreDataOffs=( 18 )
@18*(0)
##$VisuCoreDataSlope=( 18 )
@18*(0.45175957937581412)
##$VisuCoreFrameType=( 1 )
MAGNITUDE_IMAGE
##$VisuCoreSlicePacksDef=(0, 1)
##$VisuCoreSlicePacksSlices=( 1 )
(0, 18)
##$VisuCoreSlicePacksSliceDist=( 1 )
0.5
##$VisuCoreWordType=_16BIT_SGN_INT
##$VisuCoreByteOrder=littleEndian
##$VisuFGOrderDescDim=1
##$VisuFGOrderDesc=( 1 )
(18, <FG_SLICE>, <>, 0, 2)
##$VisuGroupDepVals=( 2 )
(<VisuCoreOrientation>, 0) (<VisuCorePosition>, 0)
##$VisuSubjectName=( 65 )
<Kostya^^^^>
##$VisuSubjectId=( 65 )
<Kostya>
##$VisuSubjectUid=( 65 )
<2.16.756.5.5.200.8323328.2247006.1760352368.13>
##$VisuSubjectInstanceCreationDate=(1760352368, 436, 540)
##$VisuSubjectBirthDate=( 9 )
<20251013>
##$VisuSubjectSex=UNKNOWN
##$VisuSubjectType=Quadruped
##$VisuStudyUid=( 65 )
<2.16.756.5.5.200.8323328.528993.1773377941.13>
##$VisuStudyDate=<2026-03-13T13:59:01,618+0900>
##$VisuStudyId=( 65 )
<260413_fiber_placement_engrams>
##$VisuStudyNumber=13
##$VisuSubjectWeight=0.001
##$VisuStudyReferringPhysician=( 65 )
<neuro>
##$VisuExperimentNumber=6
##$VisuProcessingNumber=1
##$VisuSeriesDate=<2026-03-13T14:27:24,162+0900>
##$VisuSubjectPosition=Head_Prone
##$VisuSeriesTypeId=( 65 )
<ACQ_BRUKER_PVM>
##$VisuSeriesCreationId=VCMN_ACQUISITION
##$VisuSeriesExperimentComment=( 65 )
<2_1_T1_FLASH>
##$VisuSeriesFrameOfReferenceUid=( 65 )
<2.16.756.5.5.200.8323328.528993.1773377941.13>
##$VisuManufacturer=( 65 )
<Bruker BioSpin GmbH & Co. KG>
##$VisuAcqSoftwareVersion=( 65 )
<PV-360.3.6>
##$VisuInstitution=( 65 )
<RESEARCH & BUSINESS FOUDATION OF SK Suwon-si>
##$VisuStation=( 65 )
<BAP94/31>
##$VisuSystemOrderNumber=( 65 )
<5084095>
##$VisuAcqDate=<2026-03-13T14:22:17,207+0900>
##$VisuAcqSequenceName=( 40 )
<Bruker:FLASH>
##$VisuAcquisitionProtocol=( 65 )
<2_1_T1_FLASH>
##$VisuAcqScanTime=304266.15626319463
##$VisuAcqFrameNumbers=( 18 )
0 9 1 10 2 11 3 12 4 13 5 14 6 15 7 16 8 17
##$VisuCardiacSynchUsed=No
##$VisuRespSynchUsed=No
##$VisuAcqNumberOfAverages=10
##$VisuAcqRepetitionTime=( 1 )
316.94391277416111
##$VisuCoilReceiveName=( 65 )
<RF SUC 400 1H LNA AV3>
##$VisuCoilReceiveManufacturer=( 65 )
<BMRIDE>
##$VisuCoilReceiveType=SURFACE_COIL
##$VisuCoilReceiveIsQuadrature=No
##$VisuCoilTransmitName=( 65 )
<RF RES 400 1H 112/086 QSN TO AD>
##$VisuCoilTransmitManufacturer=( 65 )
<BMRIDE>
##$VisuCoilTransmitType=MULTICOIL
##$VisuCoilTransmitIsQuadrature=Yes
##$VisuCoilTransmitMultiName=( 2 )
(<Element 1>, Yes) (<Element 2>, Yes)
##$VisuAcqEchoTrainLength=1
##$VisuAcqImagingFrequency=400.30774436548796
##$VisuAcqImagedNucleus=( 8 )
<1H>
##$VisuAcqPixelBandwidth=229.77941176470588
##$VisuAcqFlipAngle=50
##$VisuMrAcqFlipAngleVariable=No
##$VisuAcqSize=( 2 )
139 96
##$VisuAcqImageSizeAccellerated=Yes
##$VisuAcqGradEncoding=( 2 )
read_enc phase_enc
##$VisuAcqEchoTime=( 1 )
2.3422565028316202
##$VisuAcqAntiAlias=( 2 )
1 1
##$VisuAcqEchoSequenceType=GradientEcho
##$VisuAcqSpinsVelocityEncoded=No
##$VisuAcqHasTimeOfFlightContrast=No
##$VisuAcqIsEpiSequence=No
##$VisuAcqSpectralSuppression=FatSuppression
##$VisuAcqKSpaceTraversal=RectilinearTraversal
##$VisuAcqEncodingOrder=( 2 )
LinearEncoding LinearEncoding
##$VisuAcqKSpaceTrajectoryCnt=0
##$VisuAcqKSpaceFiltering=( 2 )
DICOM_NONE DICOM_NONE
##$VisuAcqFlowCompensation=FlowNone
##$VisuAcqSpoiling=GradientSpoiled
##$VisuAcqSaturation=( 3 )
(FovSaturation, 9, -0 -1 0, -0 -9.2783498897794967 0) (FovSaturation, 5, -0 
-0 1, 0 0 -7.9652600505762559) (FovSaturation, 5, -0 -0 1, -0 -0 
6.2209293620038819)
##$VisuAcqPartialFourier=( 2 )
1.4970760234 1
##$VisuAcqParallelReductionFactor=( 2 )
1 1
##$VisuAcqMagnetizationTransfer=No
##$VisuAcqBloodSignalNulling=No
##$VisuMagneticFieldStrength=9.4021924174532128
##$VisuMrMultiSpinEcho=No
##$VisuMrMultiPlanar=No
##$VisuMrSteadyStatePulse=MR_ST_TRANSVERSE
##$VisuMrCoverageOfKSpace=MR_CKS_FULL
##$VisuMrPercentSampling=75
$$ @vis= Visu VisuInstance VisuVersion VisuUid VisuCreator VisuCreatorVersion
$$ @vis= VisuCreationDate VisuInstanceType VisuInstanceModality
$$ @vis= VisuInstanceDeIdentified VisuCore VisuCoreFrameCount VisuCoreDim
$$ @vis= VisuCoreSize VisuCoreDimDesc VisuCoreExtent VisuCoreFrameThickness
$$ @vis= VisuCoreUnits VisuCoreOrientation VisuCorePosition
$$ @vis= VisuCoreModalityOffset VisuCoreAtsCenterDistance VisuCoreDataMin
$$ @vis= VisuCoreDataMax VisuCoreDataOffs VisuCoreDataSlope VisuCoreFrameType
$$ @vis= VisuCoreSlicePacksDef VisuCoreSlicePacksSlices
$$ @vis= VisuCoreSlicePacksSliceDist VisuPixel VisuCoreWordType
$$ @vis= VisuCoreByteOrder VisuFrameOrderDesc VisuFGOrderDescDim
$$ @vis= VisuFGOrderDesc VisuGroupDepVals VisuSubject VisuSubjectName
$$ @vis= VisuSubjectId VisuSubjectUid VisuSubjectInstanceCreationDate
$$ @vis= VisuSubjectBirthDate VisuSubjectSex VisuSubjectType VisuStudy
$$ @vis= VisuStudyUid VisuStudyDate VisuStudyId VisuStudyNumber
$$ @vis= VisuSubjectWeight VisuStudyReferringPhysician VisuSeries
$$ @vis= VisuExperimentNumber VisuProcessingNumber VisuSeriesDate
$$ @vis= VisuSubjectPosition VisuSeriesTypeId VisuSeriesCreationId
$$ @vis= VisuSeriesExperimentComment VisuSeriesFrameOfReferenceUid
$$ @vis= VisuContrastAgent VisuEquipment VisuManufacturer
$$ @vis= VisuAcqSoftwareVersion VisuInstitution VisuStation
$$ @vis= VisuSystemOrderNumber VisuAcq VisuAcqDate VisuAcqSequenceName
$$ @vis= VisuAcquisitionProtocol VisuAcqScanTime VisuAcqFrameNumbers
$$ @vis= VisuCardiacSynchUsed VisuRespSynchUsed VisuAcqNumberOfAverages
$$ @vis= VisuMxi VisuAcqRepetitionTime VisuCoilReceive VisuCoilReceiveName
$$ @vis= VisuCoilReceiveManufacturer VisuCoilReceiveType
$$ @vis= VisuCoilReceiveIsQuadrature VisuCoilTransmit VisuCoilTransmitName
$$ @vis= VisuCoilTransmitManufacturer VisuCoilTransmitType
$$ @vis= VisuCoilTransmitIsQuadrature VisuCoilTransmitMultiName VisuMri
$$ @vis= VisuAcqEchoTrainLength VisuAcqImagingFrequency VisuAcqImagedNucleus
$$ @vis= VisuAcqPixelBandwidth VisuAcqFlipAngle VisuMrAcqFlipAngleVariable
$$ @vis= VisuAcqSize VisuAcqImageSizeAccellerated VisuAcqGradEncoding
$$ @vis= VisuAcqEchoTime VisuAcqAntiAlias VisuAcqEchoSequenceType
$$ @vis= VisuAcqSpinsVelocityEncoded VisuAcqHasTimeOfFlightContrast
$$ @vis= VisuAcqIsEpiSequence VisuAcqSpectralSuppression
$$ @vis= VisuAcqKSpaceTraversal VisuAcqEncodingOrder
$$ @vis= VisuAcqKSpaceTrajectoryCnt VisuAcqKSpaceFiltering
$$ @vis= VisuAcqFlowCompensation VisuAcqSpoiling VisuAcqSaturation
$$ @vis= VisuAcqPartialFourier VisuAcqParallelReductionFactor
$$ @vis= VisuAcqMagnetizationTransfer VisuAcqBloodSignalNulling
$$ @vis= VisuMagneticFieldStrength VisuMrMultiSpinEcho VisuMrMultiPlanar
$$ @vis= VisuMrSteadyStatePulse VisuMrCoverageOfKSpace VisuMrPercentSampling
$$ @vis= VisuMrs
##END=
$$ File finished by PARX at 2026-03-13 14:27:24.219 +0900
